RESTRICTION: == netcoreapp3.1
NUGET
  remote: https://api.nuget.org/v3/index.json
    AspNetCore.HealthChecks.SqlServer (3.1.1)
      Microsoft.Data.SqlClient (>= 1.1.1)
      Microsoft.Extensions.Diagnostics.HealthChecks (>= 3.1.3)
    Autofac (5.1.2)
    Autofac.Extensions.DependencyInjection (6.0)
      Autofac (>= 5.0)
      Microsoft.Extensions.DependencyInjection.Abstractions (>= 2.1)
    AutoFixture (4.11)
      Fare (>= 2.1.1 < 3.0)
      System.ComponentModel.Annotations (>= 4.3)
    AutoFixture.Xunit2 (4.11)
      AutoFixture (>= 4.11)
      xunit.extensibility.core (>= 2.2 < 3.0)
    AutoRest (0.17.3)
    AWSSDK.Core (3.3.105.2)
    AWSSDK.DynamoDBv2 (3.3.105.5)
      AWSSDK.Core (>= 3.3.104.31 < 3.4)
    Be.Vlaanderen.Basisregisters.AggregateSource (5.0.1)
      Be.Vlaanderen.Basisregisters.Utilities.HashCodeCalculator (>= 2.2.1)
      Be.Vlaanderen.Basisregisters.Utilities.HexByteConvertor (>= 2.2.1)
      Be.Vlaanderen.Basisregisters.Utilities.ToStringBuilder (>= 2.2.1)
      Newtonsoft.Json (>= 12.0.3)
      NodaTime (>= 2.4.7)
    Be.Vlaanderen.Basisregisters.Api (11.1.7)
      Autofac (>= 5.1.2)
      Autofac.Extensions.DependencyInjection (>= 6.0)
      Be.Vlaanderen.Basisregisters.AggregateSource (>= 4.2.2)
      Be.Vlaanderen.Basisregisters.AspNetCore.Mvc.Formatters.Json (>= 3.0.1)
      Be.Vlaanderen.Basisregisters.AspNetCore.Mvc.Logging (>= 2.2.1)
      Be.Vlaanderen.Basisregisters.AspNetCore.Mvc.Middleware.AddCorrelationId (>= 2.2.1)
      Be.Vlaanderen.Basisregisters.AspNetCore.Mvc.Middleware.AddCorrelationIdToLogContext (>= 2.2.1)
      Be.Vlaanderen.Basisregisters.AspNetCore.Mvc.Middleware.AddCorrelationIdToResponse (>= 2.2.1)
      Be.Vlaanderen.Basisregisters.AspNetCore.Mvc.Middleware.AddHttpSecurityHeaders (>= 2.2.1)
      Be.Vlaanderen.Basisregisters.AspNetCore.Mvc.Middleware.AddRemoteIpAddress (>= 2.2.1)
      Be.Vlaanderen.Basisregisters.AspNetCore.Mvc.Middleware.AddVersionHeader (>= 2.2.1)
      Be.Vlaanderen.Basisregisters.AspNetCore.Mvc.Middleware.DefaultResponseCompressionQuality (>= 2.2.1)
      Be.Vlaanderen.Basisregisters.AspNetCore.Mvc.Middleware.EnableRequestRewind (>= 2.2.2)
      Be.Vlaanderen.Basisregisters.AspNetCore.Mvc.ModelBinding.GuidHeader (>= 2.2.1)
      Be.Vlaanderen.Basisregisters.AspNetCore.Swagger (>= 3.7.6)
      Be.Vlaanderen.Basisregisters.AspNetCore.Swagger.ReDoc (>= 3.7.6)
      Be.Vlaanderen.Basisregisters.Aws.DistributedMutex (>= 2.2.1)
      Be.Vlaanderen.Basisregisters.DataDog.Tracing (>= 4.4.1)
      Be.Vlaanderen.Basisregisters.DataDog.Tracing.AspNetCore (>= 4.4.1)
      Be.Vlaanderen.Basisregisters.DataDog.Tracing.Autofac (>= 4.4.1)
      Be.Vlaanderen.Basisregisters.DataDog.Tracing.Sql (>= 4.4.1)
      Be.Vlaanderen.Basisregisters.DataDog.Tracing.SqlStreamStore (>= 4.4.1)
      Be.Vlaanderen.Basisregisters.EventHandling.Autofac (>= 2.2.1)
      Be.Vlaanderen.Basisregisters.Generators.Guid.Deterministic (>= 2.2.1)
      Be.Vlaanderen.Basisregisters.ProblemDetails (>= 5.0.5)
      FluentValidation.AspNetCore (>= 8.6.2)
      Microsoft.AspNetCore.Diagnostics.EntityFrameworkCore (>= 3.1.2)
      Microsoft.AspNetCore.Mvc.NewtonsoftJson (>= 3.1.2)
      Microsoft.AspNetCore.Mvc.Versioning.ApiExplorer (>= 4.1.1)
      Microsoft.EntityFrameworkCore (>= 3.1.2)
      Microsoft.Extensions.Configuration (>= 3.1.2)
      Microsoft.Extensions.Configuration.CommandLine (>= 3.1.2)
      Microsoft.Extensions.Configuration.EnvironmentVariables (>= 3.1.2)
      Microsoft.Extensions.Configuration.FileExtensions (>= 3.1.2)
      Microsoft.Extensions.Configuration.Json (>= 3.1.2)
      Microsoft.Extensions.DependencyInjection (>= 3.1.2)
      Microsoft.Extensions.Diagnostics.HealthChecks.EntityFrameworkCore (>= 3.1.2)
      Microsoft.Extensions.Localization (>= 3.1.2)
      Microsoft.Extensions.Options.ConfigurationExtensions (>= 3.1.2)
      Microsoft.SyndicationFeed.ReaderWriter (>= 1.0.2)
      Microsoft.VisualStudio.Web.BrowserLink (>= 2.2)
      Newtonsoft.Json (>= 12.0.3)
      Polly (>= 7.2)
      Serilog (>= 2.9)
      Serilog.Enrichers.Environment (>= 2.1.3)
      Serilog.Enrichers.Thread (>= 3.1)
      Serilog.Extensions.Logging (>= 3.0.1)
      Serilog.Formatting.Compact (>= 1.1)
      Serilog.Settings.Configuration (>= 3.1)
      Serilog.Sinks.Console (>= 3.1.1)
      Serilog.Sinks.File (>= 4.1)
      SqlStreamStore (>= 1.1.3)
      SqlStreamStore.MsSql (>= 1.1.3)
      System.Text.Encoding.CodePages (>= 4.7)
    Be.Vlaanderen.Basisregisters.AspNetCore.Mvc.Formatters.Json (3.0.1)
      Be.Vlaanderen.Basisregisters.Converters.TrimString (>= 2.2.1)
      Be.Vlaanderen.Basisregisters.Utilities.Rfc3339DateTimeOffset (>= 2.2.1)
      Newtonsoft.Json (>= 12.0.3)
      NodaTime.Serialization.JsonNet (>= 2.2)
    Be.Vlaanderen.Basisregisters.AspNetCore.Mvc.Logging (2.2.1)
      Newtonsoft.Json (>= 12.0.3)
    Be.Vlaanderen.Basisregisters.AspNetCore.Mvc.Middleware.AddCorrelationId (2.2.1)
    Be.Vlaanderen.Basisregisters.AspNetCore.Mvc.Middleware.AddCorrelationIdToLogContext (2.2.1)
      Serilog (>= 2.9)
    Be.Vlaanderen.Basisregisters.AspNetCore.Mvc.Middleware.AddCorrelationIdToResponse (2.2.1)
    Be.Vlaanderen.Basisregisters.AspNetCore.Mvc.Middleware.AddHttpSecurityHeaders (2.2.1)
    Be.Vlaanderen.Basisregisters.AspNetCore.Mvc.Middleware.AddRemoteIpAddress (2.2.1)
    Be.Vlaanderen.Basisregisters.AspNetCore.Mvc.Middleware.AddVersionHeader (2.2.1)
    Be.Vlaanderen.Basisregisters.AspNetCore.Mvc.Middleware.DefaultResponseCompressionQuality (2.2.1)
    Be.Vlaanderen.Basisregisters.AspNetCore.Mvc.Middleware.EnableRequestRewind (2.2.2)
    Be.Vlaanderen.Basisregisters.AspNetCore.Mvc.ModelBinding.GuidHeader (2.2.1)
    Be.Vlaanderen.Basisregisters.AspNetCore.Swagger (3.7.6)
      Microsoft.AspNetCore.Mvc.Versioning.ApiExplorer (>= 4.1.1)
      Microsoft.Extensions.FileProviders.Embedded (>= 3.1.2)
      Microsoft.Extensions.Localization.Abstractions (>= 3.1.2)
      Newtonsoft.Json (>= 12.0.3)
      NJsonSchema (>= 10.1.12)
      NJsonSchema.CodeGeneration.CSharp (>= 10.1.12)
      NJsonSchema.CodeGeneration.TypeScript (>= 10.1.12)
      NSwag.CodeGeneration.CSharp (>= 13.3)
      NSwag.CodeGeneration.TypeScript (>= 13.3)
      Swashbuckle.AspNetCore (>= 5.3.1)
      Swashbuckle.AspNetCore.Annotations (>= 5.3.1)
      Swashbuckle.AspNetCore.Filters (>= 5.1.1)
      Swashbuckle.AspNetCore.Newtonsoft (>= 5.3.1)
    Be.Vlaanderen.Basisregisters.AspNetCore.Swagger.ReDoc (3.7.6)
      Be.Vlaanderen.Basisregisters.AspNetCore.Swagger (3.7.6)
      Microsoft.AspNetCore.Mvc.Versioning.ApiExplorer (>= 4.1.1)
      Microsoft.Extensions.FileProviders.Embedded (>= 3.1.2)
      Microsoft.Extensions.Localization.Abstractions (>= 3.1.2)
      Newtonsoft.Json (>= 12.0.3)
      NSwag.CodeGeneration.CSharp (>= 13.3)
      NSwag.CodeGeneration.TypeScript (>= 13.3)
      Swashbuckle.AspNetCore (>= 5.3.1)
    Be.Vlaanderen.Basisregisters.Aws.DistributedMutex (2.2.1)
      AWSSDK.DynamoDBv2 (>= 3.3.105.5)
      Microsoft.Extensions.Logging (>= 3.1.2)
    Be.Vlaanderen.Basisregisters.Build.Pipeline (4.0.5)
      Fake.Core.Environment (>= 5.19)
      Fake.Core.Process (>= 5.19)
      Fake.Core.Target (>= 5.19)
      Fake.DotNet.AssemblyInfoFile (>= 5.19)
      Fake.DotNet.Cli (>= 5.19)
      Fake.DotNet.Paket (>= 5.19)
      Fake.IO.FileSystem (>= 5.19)
      Fake.JavaScript.Npm (>= 5.19)
      Newtonsoft.Json (>= 12.0.3)
    Be.Vlaanderen.Basisregisters.Converters.TrimString (2.2.1)
      Newtonsoft.Json (>= 12.0.3)
    Be.Vlaanderen.Basisregisters.DataDog.Tracing (4.4.1)
      Microsoft.Extensions.Logging.Abstractions (>= 3.1.2)
      Newtonsoft.Json (>= 12.0.3)
      System.Reactive (>= 4.3.2)
      System.Reflection (>= 4.3)
      System.Threading.Tasks.Dataflow (>= 4.11)
    Be.Vlaanderen.Basisregisters.DataDog.Tracing.AspNetCore (4.4.1)
      Be.Vlaanderen.Basisregisters.DataDog.Tracing (4.4.1)
      Serilog (>= 2.9)
    Be.Vlaanderen.Basisregisters.DataDog.Tracing.Autofac (4.4.1)
      Autofac.Extensions.DependencyInjection (>= 6.0)
      Be.Vlaanderen.Basisregisters.DataDog.Tracing (4.4.1)
      Microsoft.Extensions.Configuration (>= 3.1.2)
    Be.Vlaanderen.Basisregisters.DataDog.Tracing.Sql (4.4.1)
      Be.Vlaanderen.Basisregisters.DataDog.Tracing (4.4.1)
      System.Data.Common (>= 4.3)
    Be.Vlaanderen.Basisregisters.DataDog.Tracing.SqlStreamStore (4.4.1)
      Autofac (>= 5.1.2)
      Be.Vlaanderen.Basisregisters.DataDog.Tracing (4.4.1)
      SqlStreamStore.MsSql (>= 1.1.3)
      System.Data.Common (>= 4.3)
    Be.Vlaanderen.Basisregisters.EventHandling (2.2.1)
      Be.Vlaanderen.Basisregisters.Converters.TrimString (>= 2.2.1)
      Newtonsoft.Json (>= 12.0.3)
      NodaTime.Serialization.JsonNet (>= 2.2)
    Be.Vlaanderen.Basisregisters.EventHandling.Autofac (2.2.1)
      Autofac.Extensions.DependencyInjection (>= 6.0)
      Be.Vlaanderen.Basisregisters.EventHandling (2.2.1)
    Be.Vlaanderen.Basisregisters.Generators.Guid.Deterministic (2.2.1)
    Be.Vlaanderen.Basisregisters.ProblemDetails (5.0.5)
      System.Reflection.Metadata (>= 1.8)
    Be.Vlaanderen.Basisregisters.Testing.Infrastructure.Events (2.2.1) - copy_local: true, copy_content_to_output_dir: always, content: true
      Be.Vlaanderen.Basisregisters.AggregateSource (>= 4.2.2)
      Be.Vlaanderen.Basisregisters.EventHandling (>= 2.2.1)
      FluentAssertions (>= 5.10.2)
      Newtonsoft.Json (>= 12.0.3)
      xunit (>= 2.4.1)
    Be.Vlaanderen.Basisregisters.Utilities.HashCodeCalculator (2.2.1)
    Be.Vlaanderen.Basisregisters.Utilities.HexByteConvertor (2.2.1)
    Be.Vlaanderen.Basisregisters.Utilities.Rfc3339DateTimeOffset (2.2.1)
      Newtonsoft.Json (>= 12.0.3)
    Be.Vlaanderen.Basisregisters.Utilities.ToStringBuilder (2.2.1)
    BlackFox.VsWhere (1.0)
      FSharp.Core (>= 4.2.3)
    BrotliSharpLib (0.2.1)
      Microsoft.NETCore.App (>= 1.1.2)
    Castle.Core (4.4)
      NETStandard.Library (>= 1.6.1)
      System.Collections.Specialized (>= 4.3)
      System.ComponentModel (>= 4.3)
      System.ComponentModel.TypeConverter (>= 4.3)
      System.Diagnostics.TraceSource (>= 4.3)
      System.Dynamic.Runtime (>= 4.3)
      System.Reflection (>= 4.3)
      System.Reflection.Emit (>= 4.3)
      System.Reflection.TypeExtensions (>= 4.3)
      System.Xml.XmlDocument (>= 4.3)
    CsvHelper (15.0.5)
      Microsoft.CSharp (>= 4.5)
    Dapper (1.50.4)
      System.Data.SqlClient (>= 4.4)
      System.Reflection.Emit.Lightweight (>= 4.3)
      System.Reflection.TypeExtensions (>= 4.4)
    DotLiquid (2.0.325)
    Elasticsearch.Net (6.8.5)
    EPPlus (5.1)
      Microsoft.Extensions.Configuration.Json (>= 3.1)
      System.ComponentModel.TypeConverter (>= 4.3)
      System.Data.Common (>= 4.3)
      System.Drawing.Common (>= 4.7)
      System.Reflection (>= 4.3)
      System.Security.Claims (>= 4.3)
      System.Security.Cryptography.Pkcs (>= 4.7)
      System.Security.Cryptography.X509Certificates (>= 4.3.2)
      System.Text.Encoding.CodePages (>= 4.7)
      System.Xml.XmlDocument (>= 4.3)
      System.Xml.XPath.XmlDocument (>= 4.3)
    FAKE (4.64.17)
    Fake.Core.CommandLineParsing (5.19.1)
      FParsec (>= 1.0.3)
      FSharp.Core (>= 4.7)
    Fake.Core.Context (5.19.1)
      FSharp.Core (>= 4.7)
    Fake.Core.Environment (5.19.1)
      FSharp.Core (>= 4.7)
    Fake.Core.FakeVar (5.19.1)
      Fake.Core.Context (>= 5.19.1)
      FSharp.Core (>= 4.7)
    Fake.Core.Process (5.19.1)
      Fake.Core.Environment (>= 5.19.1)
      Fake.Core.FakeVar (>= 5.19.1)
      Fake.Core.String (>= 5.19.1)
      Fake.Core.Trace (>= 5.19.1)
      Fake.IO.FileSystem (>= 5.19.1)
      FSharp.Core (>= 4.7)
      System.Diagnostics.Process (>= 4.3)
    Fake.Core.SemVer (5.19.1)
      FSharp.Core (>= 4.7)
      System.Runtime.Numerics (>= 4.3)
    Fake.Core.String (5.19.1)
      FSharp.Core (>= 4.7)
    Fake.Core.Target (5.19.1)
      Fake.Core.CommandLineParsing (>= 5.19.1)
      Fake.Core.Context (>= 5.19.1)
      Fake.Core.Environment (>= 5.19.1)
      Fake.Core.FakeVar (>= 5.19.1)
      Fake.Core.Process (>= 5.19.1)
      Fake.Core.String (>= 5.19.1)
      Fake.Core.Trace (>= 5.19.1)
      FSharp.Control.Reactive (>= 4.2)
      FSharp.Core (>= 4.7)
      System.Reactive.Compatibility (>= 4.3.1)
    Fake.Core.Tasks (5.19.1)
      Fake.Core.Trace (>= 5.19.1)
      FSharp.Core (>= 4.7)
    Fake.Core.Trace (5.19.1)
      Fake.Core.Environment (>= 5.19.1)
      Fake.Core.FakeVar (>= 5.19.1)
      FSharp.Core (>= 4.7)
    Fake.Core.Xml (5.19.1)
      Fake.Core.String (>= 5.19.1)
      FSharp.Core (>= 4.7)
      System.Xml.ReaderWriter (>= 4.3.1)
      System.Xml.XDocument (>= 4.3)
      System.Xml.XPath (>= 4.3)
      System.Xml.XPath.XDocument (>= 4.3)
      System.Xml.XPath.XmlDocument (>= 4.3)
    Fake.DotNet.AssemblyInfoFile (5.19.1)
      Fake.Core.Environment (>= 5.19.1)
      Fake.Core.String (>= 5.19.1)
      Fake.Core.Trace (>= 5.19.1)
      Fake.IO.FileSystem (>= 5.19.1)
      FSharp.Core (>= 4.7)
    Fake.DotNet.Cli (5.19.1)
      Fake.Core.Environment (>= 5.19.1)
      Fake.Core.Process (>= 5.19.1)
      Fake.Core.String (>= 5.19.1)
      Fake.Core.Trace (>= 5.19.1)
      Fake.DotNet.MSBuild (>= 5.19.1)
      Fake.DotNet.NuGet (>= 5.19.1)
      Fake.IO.FileSystem (>= 5.19.1)
      FSharp.Core (>= 4.7)
      Mono.Posix.NETStandard (>= 1.0)
      Newtonsoft.Json (>= 12.0.3)
    Fake.DotNet.MSBuild (5.19.1)
      BlackFox.VsWhere (>= 1.0)
      Fake.Core.Environment (>= 5.19.1)
      Fake.Core.Process (>= 5.19.1)
      Fake.Core.String (>= 5.19.1)
      Fake.Core.Trace (>= 5.19.1)
      Fake.IO.FileSystem (>= 5.19.1)
      FSharp.Core (>= 4.7)
      MSBuild.StructuredLogger (>= 2.0.152)
    Fake.DotNet.NuGet (5.19.1)
      Fake.Core.Environment (>= 5.19.1)
      Fake.Core.Process (>= 5.19.1)
      Fake.Core.SemVer (>= 5.19.1)
      Fake.Core.String (>= 5.19.1)
      Fake.Core.Tasks (>= 5.19.1)
      Fake.Core.Trace (>= 5.19.1)
      Fake.Core.Xml (>= 5.19.1)
      Fake.IO.FileSystem (>= 5.19.1)
      Fake.Net.Http (>= 5.19.1)
      FSharp.Core (>= 4.7)
      Newtonsoft.Json (>= 12.0.3)
      NuGet.Protocol (>= 4.9.4)
      System.Net.Http (>= 4.3.4)
    Fake.DotNet.Paket (5.19.1)
      Fake.Core.Process (>= 5.19.1)
      Fake.Core.String (>= 5.19.1)
      Fake.Core.Trace (>= 5.19.1)
      Fake.DotNet.Cli (>= 5.19.1)
      Fake.IO.FileSystem (>= 5.19.1)
      FSharp.Core (>= 4.7)
    Fake.IO.FileSystem (5.19.1)
      Fake.Core.String (>= 5.19.1)
      FSharp.Core (>= 4.7)
      System.Diagnostics.FileVersionInfo (>= 4.3)
      System.IO.FileSystem.Watcher (>= 4.3)
    Fake.JavaScript.Npm (5.19.1)
      Fake.Core.Environment (>= 5.19.1)
      Fake.Core.Process (>= 5.19.1)
      Fake.IO.FileSystem (>= 5.19.1)
      Fake.Testing.Common (>= 5.19.1)
      FSharp.Core (>= 4.7)
    Fake.Net.Http (5.19.1)
      Fake.Core.Trace (>= 5.19.1)
      FSharp.Core (>= 4.7)
      System.Net.Http (>= 4.3.4)
    Fake.Testing.Common (5.19.1)
      Fake.Core.Trace (>= 5.19.1)
      FSharp.Core (>= 4.7)
    Fare (2.1.2)
      NETStandard.Library (>= 1.6.1)
    FluentAssertions (5.10.3)
      System.Configuration.ConfigurationManager (>= 4.4)
    FluentFTP (32.3.3)
      System.Console (>= 4.3)
      System.IO (>= 4.3)
      System.Net.NameResolution (>= 4.3)
      System.Net.Security (>= 4.3)
      System.Net.Sockets (>= 4.3)
      System.Runtime (>= 4.3)
      System.Threading.Tasks (>= 4.3)
      System.Threading.Thread (>= 4.3)
    FluentValidation (8.6.2)
      System.ComponentModel.Annotations (>= 4.4.1)
    FluentValidation.AspNetCore (8.6.2)
      FluentValidation (>= 8.6.2)
      FluentValidation.DependencyInjectionExtensions (>= 8.6.2)
    FluentValidation.DependencyInjectionExtensions (8.6.2)
      FluentValidation (>= 8.6.2)
      Microsoft.Extensions.DependencyInjection.Abstractions (>= 2.1)
    FParsec (1.1.1)
      FSharp.Core (>= 4.3.4)
    FSharp.Control.Reactive (4.2)
      FSharp.Core (>= 4.2.3)
      System.Reactive (>= 4.0)
    FSharp.Core (4.7.1)
    IdentityModel (4.2)
      Newtonsoft.Json (>= 11.0.2)
      System.Text.Encodings.Web (>= 4.6)
    Microsoft.AspNetCore.Antiforgery (2.2)
      Microsoft.AspNetCore.DataProtection (>= 2.2)
      Microsoft.AspNetCore.Http.Abstractions (>= 2.2)
      Microsoft.AspNetCore.Http.Extensions (>= 2.2)
      Microsoft.AspNetCore.WebUtilities (>= 2.2)
      Microsoft.Extensions.ObjectPool (>= 2.2)
    Microsoft.AspNetCore.Authentication.Abstractions (2.2)
      Microsoft.AspNetCore.Http.Abstractions (>= 2.2)
      Microsoft.Extensions.Logging.Abstractions (>= 2.2)
      Microsoft.Extensions.Options (>= 2.2)
    Microsoft.AspNetCore.Authentication.Core (2.2)
      Microsoft.AspNetCore.Authentication.Abstractions (>= 2.2)
      Microsoft.AspNetCore.Http (>= 2.2)
      Microsoft.AspNetCore.Http.Extensions (>= 2.2)
    Microsoft.AspNetCore.Authentication.JwtBearer (3.1.2)
      Microsoft.IdentityModel.Protocols.OpenIdConnect (>= 5.5)
    Microsoft.AspNetCore.Authorization (3.1.2)
      Microsoft.AspNetCore.Metadata (>= 3.1.2)
      Microsoft.Extensions.Logging.Abstractions (>= 3.1.2)
      Microsoft.Extensions.Options (>= 3.1.2)
    Microsoft.AspNetCore.Authorization.Policy (2.2)
      Microsoft.AspNetCore.Authentication.Abstractions (>= 2.2)
      Microsoft.AspNetCore.Authorization (>= 2.2)
    Microsoft.AspNetCore.AzureAppServicesIntegration (3.1.2)
      Microsoft.Extensions.Logging.AzureAppServices (>= 3.1.2)
    Microsoft.AspNetCore.Connections.Abstractions (3.1.2)
      Microsoft.AspNetCore.Http.Features (>= 3.1.2)
      System.IO.Pipelines (>= 4.7)
    Microsoft.AspNetCore.Cors (2.2)
      Microsoft.AspNetCore.Http.Extensions (>= 2.2)
      Microsoft.Extensions.Configuration.Abstractions (>= 2.2)
      Microsoft.Extensions.DependencyInjection.Abstractions (>= 2.2)
      Microsoft.Extensions.Logging.Abstractions (>= 2.2)
      Microsoft.Extensions.Options (>= 2.2)
    Microsoft.AspNetCore.Cryptography.Internal (3.1.2)
    Microsoft.AspNetCore.DataProtection (3.1.2)
      Microsoft.AspNetCore.Cryptography.Internal (>= 3.1.2)
      Microsoft.AspNetCore.DataProtection.Abstractions (>= 3.1.2)
      Microsoft.Extensions.DependencyInjection.Abstractions (>= 3.1.2)
      Microsoft.Extensions.Hosting.Abstractions (>= 3.1.2)
      Microsoft.Extensions.Logging.Abstractions (>= 3.1.2)
      Microsoft.Extensions.Options (>= 3.1.2)
      Microsoft.Win32.Registry (>= 4.7)
      System.Security.Cryptography.Xml (>= 4.7)
    Microsoft.AspNetCore.DataProtection.Abstractions (3.1.2)
    Microsoft.AspNetCore.Diagnostics.Abstractions (2.2)
    Microsoft.AspNetCore.Diagnostics.EntityFrameworkCore (3.1.2)
      Microsoft.EntityFrameworkCore.Relational (>= 3.1.2)
    Microsoft.AspNetCore.Hosting (2.2.7)
      Microsoft.AspNetCore.Hosting.Abstractions (>= 2.2)
      Microsoft.AspNetCore.Http (>= 2.2)
      Microsoft.AspNetCore.Http.Extensions (>= 2.2)
      Microsoft.Extensions.Configuration (>= 2.2)
      Microsoft.Extensions.Configuration.EnvironmentVariables (>= 2.2.4)
      Microsoft.Extensions.Configuration.FileExtensions (>= 2.2)
      Microsoft.Extensions.DependencyInjection (>= 2.2)
      Microsoft.Extensions.FileProviders.Physical (>= 2.2)
      Microsoft.Extensions.Hosting.Abstractions (>= 2.2)
      Microsoft.Extensions.Logging (>= 2.2)
      Microsoft.Extensions.Options (>= 2.2)
      System.Diagnostics.DiagnosticSource (>= 4.5.1)
      System.Reflection.Metadata (>= 1.6)
    Microsoft.AspNetCore.Hosting.Abstractions (2.2)
      Microsoft.AspNetCore.Hosting.Server.Abstractions (>= 2.2)
      Microsoft.AspNetCore.Http.Abstractions (>= 2.2)
      Microsoft.Extensions.Hosting.Abstractions (>= 2.2)
    Microsoft.AspNetCore.Hosting.Server.Abstractions (2.2)
      Microsoft.AspNetCore.Http.Features (>= 2.2)
      Microsoft.Extensions.Configuration.Abstractions (>= 2.2)
    Microsoft.AspNetCore.Html.Abstractions (2.2)
      System.Text.Encodings.Web (>= 4.5)
    Microsoft.AspNetCore.Http (2.2.2)
      Microsoft.AspNetCore.Http.Abstractions (>= 2.2)
      Microsoft.AspNetCore.WebUtilities (>= 2.2)
      Microsoft.Extensions.ObjectPool (>= 2.2)
      Microsoft.Extensions.Options (>= 2.2)
      Microsoft.Net.Http.Headers (>= 2.2)
    Microsoft.AspNetCore.Http.Abstractions (2.2)
      Microsoft.AspNetCore.Http.Features (>= 2.2)
      System.Text.Encodings.Web (>= 4.5)
    Microsoft.AspNetCore.Http.Extensions (2.2)
      Microsoft.AspNetCore.Http.Abstractions (>= 2.2)
      Microsoft.Extensions.FileProviders.Abstractions (>= 2.2)
      Microsoft.Net.Http.Headers (>= 2.2)
      System.Buffers (>= 4.5)
    Microsoft.AspNetCore.Http.Features (3.1.2)
      Microsoft.Extensions.Primitives (>= 3.1.2)
      System.IO.Pipelines (>= 4.7)
    Microsoft.AspNetCore.HttpOverrides (2.2)
      Microsoft.AspNetCore.Http.Extensions (>= 2.2)
      Microsoft.Extensions.Logging.Abstractions (>= 2.2)
      Microsoft.Extensions.Options (>= 2.2)
    Microsoft.AspNetCore.JsonPatch (3.1.2)
      Microsoft.CSharp (>= 4.7)
      Newtonsoft.Json (>= 12.0.2)
    Microsoft.AspNetCore.Localization (2.2)
      Microsoft.AspNetCore.Http.Extensions (>= 2.2)
      Microsoft.Extensions.Localization.Abstractions (>= 2.2)
      Microsoft.Extensions.Logging.Abstractions (>= 2.2)
      Microsoft.Extensions.Options (>= 2.2)
    Microsoft.AspNetCore.Metadata (3.1.3)
    Microsoft.AspNetCore.Mvc (2.2)
      Microsoft.AspNetCore.Mvc.Analyzers (>= 2.2)
      Microsoft.AspNetCore.Mvc.ApiExplorer (>= 2.2)
      Microsoft.AspNetCore.Mvc.Cors (>= 2.2)
      Microsoft.AspNetCore.Mvc.DataAnnotations (>= 2.2)
      Microsoft.AspNetCore.Mvc.Formatters.Json (>= 2.2)
      Microsoft.AspNetCore.Mvc.Localization (>= 2.2)
      Microsoft.AspNetCore.Mvc.Razor.Extensions (>= 2.2)
      Microsoft.AspNetCore.Mvc.RazorPages (>= 2.2)
      Microsoft.AspNetCore.Mvc.TagHelpers (>= 2.2)
      Microsoft.AspNetCore.Mvc.ViewFeatures (>= 2.2)
      Microsoft.AspNetCore.Razor.Design (>= 2.2)
      Microsoft.Extensions.Caching.Memory (>= 2.2)
      Microsoft.Extensions.DependencyInjection (>= 2.2)
    Microsoft.AspNetCore.Mvc.Abstractions (2.2)
      Microsoft.AspNetCore.Routing.Abstractions (>= 2.2)
      Microsoft.Net.Http.Headers (>= 2.2)
    Microsoft.AspNetCore.Mvc.Analyzers (2.2)
    Microsoft.AspNetCore.Mvc.ApiExplorer (2.2)
      Microsoft.AspNetCore.Mvc.Core (>= 2.2)
    Microsoft.AspNetCore.Mvc.Core (2.2.5)
      Microsoft.AspNetCore.Authentication.Core (>= 2.2)
      Microsoft.AspNetCore.Authorization.Policy (>= 2.2)
      Microsoft.AspNetCore.Hosting.Abstractions (>= 2.2)
      Microsoft.AspNetCore.Http (>= 2.2)
      Microsoft.AspNetCore.Http.Extensions (>= 2.2)
      Microsoft.AspNetCore.Mvc.Abstractions (>= 2.2)
      Microsoft.AspNetCore.ResponseCaching.Abstractions (>= 2.2)
      Microsoft.AspNetCore.Routing (>= 2.2)
      Microsoft.AspNetCore.Routing.Abstractions (>= 2.2)
      Microsoft.Extensions.DependencyInjection (>= 2.2)
      Microsoft.Extensions.DependencyModel (>= 2.1)
      Microsoft.Extensions.FileProviders.Abstractions (>= 2.2)
      Microsoft.Extensions.Logging.Abstractions (>= 2.2)
      System.Diagnostics.DiagnosticSource (>= 4.5)
      System.Threading.Tasks.Extensions (>= 4.5.1)
    Microsoft.AspNetCore.Mvc.Cors (2.2)
      Microsoft.AspNetCore.Cors (>= 2.2)
      Microsoft.AspNetCore.Mvc.Core (>= 2.2)
    Microsoft.AspNetCore.Mvc.DataAnnotations (2.2)
      Microsoft.AspNetCore.Mvc.Core (>= 2.2)
      Microsoft.Extensions.Localization (>= 2.2)
      System.ComponentModel.Annotations (>= 4.5)
    Microsoft.AspNetCore.Mvc.Formatters.Json (2.2)
      Microsoft.AspNetCore.JsonPatch (>= 2.2)
      Microsoft.AspNetCore.Mvc.Core (>= 2.2)
    Microsoft.AspNetCore.Mvc.Formatters.Xml (2.2)
      Microsoft.AspNetCore.Mvc.Core (>= 2.2)
    Microsoft.AspNetCore.Mvc.Localization (2.2)
      Microsoft.AspNetCore.Localization (>= 2.2)
      Microsoft.AspNetCore.Mvc.Razor (>= 2.2)
      Microsoft.Extensions.DependencyInjection (>= 2.2)
      Microsoft.Extensions.Localization (>= 2.2)
    Microsoft.AspNetCore.Mvc.NewtonsoftJson (3.1.2)
      Microsoft.AspNetCore.JsonPatch (>= 3.1.2)
      Newtonsoft.Json (>= 12.0.2)
      Newtonsoft.Json.Bson (>= 1.0.2)
    Microsoft.AspNetCore.Mvc.Razor (2.2)
      Microsoft.AspNetCore.Mvc.Razor.Extensions (>= 2.2)
      Microsoft.AspNetCore.Mvc.ViewFeatures (>= 2.2)
      Microsoft.AspNetCore.Razor.Runtime (>= 2.2)
      Microsoft.CodeAnalysis.CSharp (>= 2.8)
      Microsoft.CodeAnalysis.Razor (>= 2.2)
      Microsoft.Extensions.Caching.Memory (>= 2.2)
      Microsoft.Extensions.FileProviders.Composite (>= 2.2)
    Microsoft.AspNetCore.Mvc.Razor.Extensions (3.1.2)
      Microsoft.AspNetCore.Razor.Language (>= 3.1.2)
      Microsoft.CodeAnalysis.Razor (>= 3.1.2)
    Microsoft.AspNetCore.Mvc.RazorPages (2.2.5)
      Microsoft.AspNetCore.Mvc.Razor (>= 2.2)
    Microsoft.AspNetCore.Mvc.TagHelpers (2.2)
      Microsoft.AspNetCore.Mvc.Razor (>= 2.2)
      Microsoft.AspNetCore.Razor.Runtime (>= 2.2)
      Microsoft.AspNetCore.Routing.Abstractions (>= 2.2)
      Microsoft.Extensions.Caching.Memory (>= 2.2)
      Microsoft.Extensions.FileSystemGlobbing (>= 2.2)
      Microsoft.Extensions.Primitives (>= 2.2)
    Microsoft.AspNetCore.Mvc.Versioning (4.1.1)
    Microsoft.AspNetCore.Mvc.Versioning.ApiExplorer (4.1.1)
      Microsoft.AspNetCore.Mvc.Versioning (>= 4.1.1)
    Microsoft.AspNetCore.Mvc.ViewFeatures (2.2)
      Microsoft.AspNetCore.Antiforgery (>= 2.2)
      Microsoft.AspNetCore.Diagnostics.Abstractions (>= 2.2)
      Microsoft.AspNetCore.Html.Abstractions (>= 2.2)
      Microsoft.AspNetCore.Mvc.Core (>= 2.2)
      Microsoft.AspNetCore.Mvc.DataAnnotations (>= 2.2)
      Microsoft.AspNetCore.Mvc.Formatters.Json (>= 2.2)
      Microsoft.Extensions.WebEncoders (>= 2.2)
      Newtonsoft.Json.Bson (>= 1.0.1)
    Microsoft.AspNetCore.Razor (2.2)
      Microsoft.AspNetCore.Html.Abstractions (>= 2.2)
    Microsoft.AspNetCore.Razor.Design (2.2)
    Microsoft.AspNetCore.Razor.Language (3.1.2)
    Microsoft.AspNetCore.Razor.Runtime (2.2)
      Microsoft.AspNetCore.Html.Abstractions (>= 2.2)
      Microsoft.AspNetCore.Razor (>= 2.2)
    Microsoft.AspNetCore.ResponseCaching.Abstractions (2.2)
      Microsoft.Extensions.Primitives (>= 2.2)
    Microsoft.AspNetCore.ResponseCompression (2.2)
      Microsoft.AspNetCore.Http.Extensions (>= 2.2)
      Microsoft.Extensions.Logging.Abstractions (>= 2.2)
      Microsoft.Extensions.Options (>= 2.2)
    Microsoft.AspNetCore.Routing (2.2.2)
      Microsoft.AspNetCore.Http.Extensions (>= 2.2)
      Microsoft.AspNetCore.Routing.Abstractions (>= 2.2)
      Microsoft.Extensions.Logging.Abstractions (>= 2.2)
      Microsoft.Extensions.ObjectPool (>= 2.2)
      Microsoft.Extensions.Options (>= 2.2)
    Microsoft.AspNetCore.Routing.Abstractions (2.2)
      Microsoft.AspNetCore.Http.Abstractions (>= 2.2)
    Microsoft.AspNetCore.Server.IISIntegration (2.2.1)
      Microsoft.AspNetCore.Authentication.Core (>= 2.2)
      Microsoft.AspNetCore.Hosting.Abstractions (>= 2.2)
      Microsoft.AspNetCore.Http (>= 2.2)
      Microsoft.AspNetCore.Http.Extensions (>= 2.2)
      Microsoft.AspNetCore.HttpOverrides (>= 2.2)
      Microsoft.Extensions.Logging.Abstractions (>= 2.2)
      Microsoft.Extensions.Options (>= 2.2)
      System.Buffers (>= 4.5)
      System.IO.Pipelines (>= 4.5.2)
      System.Memory (>= 4.5.1)
      System.Numerics.Vectors (>= 4.5)
      System.Runtime.CompilerServices.Unsafe (>= 4.5.1)
      System.Security.Principal.Windows (>= 4.5)
    Microsoft.AspNetCore.Server.Kestrel (2.2)
      Microsoft.AspNetCore.Hosting (>= 2.2)
      Microsoft.AspNetCore.Server.Kestrel.Core (>= 2.2)
      Microsoft.AspNetCore.Server.Kestrel.Https (>= 2.2)
      Microsoft.AspNetCore.Server.Kestrel.Transport.Sockets (>= 2.2)
    Microsoft.AspNetCore.Server.Kestrel.Core (2.2)
      Microsoft.AspNetCore.Hosting.Abstractions (>= 2.2)
      Microsoft.AspNetCore.Http (>= 2.2)
      Microsoft.AspNetCore.Server.Kestrel.Transport.Abstractions (>= 2.2)
      Microsoft.AspNetCore.WebUtilities (>= 2.2)
      Microsoft.Extensions.Configuration.Binder (>= 2.2)
      Microsoft.Extensions.Logging.Abstractions (>= 2.2)
      Microsoft.Extensions.Options (>= 2.2)
      Microsoft.Net.Http.Headers (>= 2.2)
      System.Memory (>= 4.5.1)
      System.Numerics.Vectors (>= 4.5)
      System.Runtime.CompilerServices.Unsafe (>= 4.5.1)
      System.Security.Cryptography.Cng (>= 4.5)
      System.Threading.Tasks.Extensions (>= 4.5.1)
    Microsoft.AspNetCore.Server.Kestrel.Https (2.2)
      Microsoft.AspNetCore.Http.Abstractions (>= 2.2)
      Microsoft.AspNetCore.Server.Kestrel.Core (>= 2.2)
    Microsoft.AspNetCore.Server.Kestrel.Transport.Abstractions (2.2)
      Microsoft.AspNetCore.Connections.Abstractions (>= 2.2)
    Microsoft.AspNetCore.Server.Kestrel.Transport.Sockets (2.2.1)
      Microsoft.AspNetCore.Hosting.Abstractions (>= 2.2)
      Microsoft.AspNetCore.Server.Kestrel.Transport.Abstractions (>= 2.2)
      Microsoft.Extensions.Options (>= 2.2)
    Microsoft.AspNetCore.TestHost (3.1.3)
      System.IO.Pipelines (>= 4.7.1)
    Microsoft.AspNetCore.WebUtilities (2.2)
      Microsoft.Net.Http.Headers (>= 2.2)
      System.Text.Encodings.Web (>= 4.5)
    Microsoft.Bcl.AsyncInterfaces (1.1)
      System.Threading.Tasks.Extensions (>= 4.5.2)
    Microsoft.Bcl.HashCode (1.1)
    Microsoft.Build (16.5)
      Microsoft.Build.Framework (>= 16.5)
      Microsoft.Win32.Registry (>= 4.3)
      System.Collections.Immutable (>= 1.5)
      System.Diagnostics.TraceSource (>= 4.0)
      System.Memory (>= 4.5.3)
      System.Reflection.Metadata (>= 1.6)
      System.Reflection.TypeExtensions (>= 4.1)
      System.Runtime.Loader (>= 4.0)
      System.Security.Principal.Windows (>= 4.3)
      System.Text.Encoding.CodePages (>= 4.0.1)
      System.Threading.Tasks.Dataflow (>= 4.9)
    Microsoft.Build.Framework (16.5)
      System.Runtime.Serialization.Primitives (>= 4.1.1)
      System.Threading.Thread (>= 4.0)
    Microsoft.Build.Tasks.Core (16.5)
      Microsoft.Build.Framework (>= 16.5)
      Microsoft.Build.Utilities.Core (>= 16.5)
      Microsoft.Win32.Registry (>= 4.3)
      System.CodeDom (>= 4.4)
      System.Collections.Immutable (>= 1.5)
      System.Linq.Parallel (>= 4.0.1)
      System.Net.Http (>= 4.3.4)
      System.Reflection.Metadata (>= 1.6)
      System.Reflection.TypeExtensions (>= 4.1)
      System.Resources.Extensions (>= 4.6)
      System.Resources.Writer (>= 4.0)
      System.Threading.Tasks.Dataflow (>= 4.9)
    Microsoft.Build.Utilities.Core (16.5)
      Microsoft.Build.Framework (>= 16.5)
      Microsoft.Win32.Registry (>= 4.3)
      System.Collections.Immutable (>= 1.5)
      System.Text.Encoding.CodePages (>= 4.0.1)
    Microsoft.CodeAnalysis.Analyzers (3.0.0-beta2.final)
    Microsoft.CodeAnalysis.Common (3.5)
      Microsoft.CodeAnalysis.Analyzers (>= 3.0.0-beta2.20059.3)
      System.Collections.Immutable (>= 1.5)
      System.Memory (>= 4.5.3)
      System.Reflection.Metadata (>= 1.6)
      System.Runtime.CompilerServices.Unsafe (>= 4.6)
      System.Text.Encoding.CodePages (>= 4.5.1)
      System.Threading.Tasks.Extensions (>= 4.5.3)
    Microsoft.CodeAnalysis.CSharp (3.5)
      Microsoft.CodeAnalysis.Common (3.5)
    Microsoft.CodeAnalysis.Razor (3.1.2)
      Microsoft.AspNetCore.Razor.Language (>= 3.1.2)
      Microsoft.CodeAnalysis.Common (>= 3.3)
      Microsoft.CodeAnalysis.CSharp (>= 3.3)
    Microsoft.CodeCoverage (16.5)
    Microsoft.CSharp (4.7)
    Microsoft.Data.SqlClient (1.1.1)
      Microsoft.Identity.Client (>= 3.0.8)
      Microsoft.IdentityModel.JsonWebTokens (>= 5.5)
      Microsoft.IdentityModel.Protocols.OpenIdConnect (>= 5.5)
      Microsoft.Win32.Registry (>= 4.5)
      runtime.native.System.Data.SqlClient.sni (>= 4.4)
      System.Configuration.ConfigurationManager (>= 4.5)
      System.Runtime.Caching (>= 4.5)
      System.Security.Principal.Windows (>= 4.5)
      System.Text.Encoding.CodePages (>= 4.5)
    Microsoft.DotNet.InternalAbstractions (1.0)
      System.AppContext (>= 4.1)
      System.Collections (>= 4.0.11)
      System.IO (>= 4.1)
      System.IO.FileSystem (>= 4.0.1)
      System.Reflection.TypeExtensions (>= 4.1)
      System.Runtime.Extensions (>= 4.1)
      System.Runtime.InteropServices (>= 4.1)
      System.Runtime.InteropServices.RuntimeInformation (>= 4.0)
    Microsoft.EntityFrameworkCore (3.1.3)
      Microsoft.Bcl.AsyncInterfaces (>= 1.1)
      Microsoft.Bcl.HashCode (>= 1.1)
      Microsoft.EntityFrameworkCore.Abstractions (>= 3.1.3)
      Microsoft.EntityFrameworkCore.Analyzers (>= 3.1.3)
      Microsoft.Extensions.Caching.Memory (>= 3.1.3)
      Microsoft.Extensions.DependencyInjection (>= 3.1.3)
      Microsoft.Extensions.Logging (>= 3.1.3)
      System.Collections.Immutable (>= 1.7)
      System.ComponentModel.Annotations (>= 4.7)
      System.Diagnostics.DiagnosticSource (>= 4.7)
    Microsoft.EntityFrameworkCore.Abstractions (3.1.3)
    Microsoft.EntityFrameworkCore.Analyzers (3.1.3)
    Microsoft.EntityFrameworkCore.Design (3.1.2)
      Microsoft.CSharp (>= 4.7)
      Microsoft.EntityFrameworkCore.Relational (>= 3.1.2)
    Microsoft.EntityFrameworkCore.InMemory (3.1.3)
      Microsoft.EntityFrameworkCore (>= 3.1.3)
    Microsoft.EntityFrameworkCore.Relational (3.1.3)
      Microsoft.EntityFrameworkCore (>= 3.1.3)
    Microsoft.EntityFrameworkCore.SqlServer (3.1.3)
      Microsoft.Data.SqlClient (>= 1.0.19269.1)
      Microsoft.EntityFrameworkCore.Relational (>= 3.1.3)
    Microsoft.Extensions.ApiDescription.Server (3.1.3)
    Microsoft.Extensions.Caching.Abstractions (3.1.3)
      Microsoft.Extensions.Primitives (>= 3.1.3)
    Microsoft.Extensions.Caching.Memory (3.1.3)
      Microsoft.Extensions.Caching.Abstractions (>= 3.1.3)
      Microsoft.Extensions.DependencyInjection.Abstractions (>= 3.1.3)
      Microsoft.Extensions.Logging.Abstractions (>= 3.1.3)
      Microsoft.Extensions.Options (>= 3.1.3)
    Microsoft.Extensions.Configuration (3.1.3)
      Microsoft.Extensions.Configuration.Abstractions (>= 3.1.3)
    Microsoft.Extensions.Configuration.Abstractions (3.1.3)
      Microsoft.Extensions.Primitives (>= 3.1.3)
    Microsoft.Extensions.Configuration.Binder (3.1.3)
      Microsoft.Extensions.Configuration (>= 3.1.3)
    Microsoft.Extensions.Configuration.CommandLine (3.1.3)
      Microsoft.Extensions.Configuration (>= 3.1.3)
    Microsoft.Extensions.Configuration.EnvironmentVariables (3.1.3)
      Microsoft.Extensions.Configuration (>= 3.1.3)
    Microsoft.Extensions.Configuration.FileExtensions (3.1.3)
      Microsoft.Extensions.Configuration (>= 3.1.3)
      Microsoft.Extensions.FileProviders.Physical (>= 3.1.3)
    Microsoft.Extensions.Configuration.Json (3.1.3)
      Microsoft.Extensions.Configuration (>= 3.1.3)
      Microsoft.Extensions.Configuration.FileExtensions (>= 3.1.3)
    Microsoft.Extensions.DependencyInjection (3.1.3)
      Microsoft.Extensions.DependencyInjection.Abstractions (>= 3.1.3)
    Microsoft.Extensions.DependencyInjection.Abstractions (3.1.3)
    Microsoft.Extensions.DependencyModel (3.1.3)
      System.Text.Json (>= 4.7.1)
    Microsoft.Extensions.Diagnostics.HealthChecks (3.1.3)
      Microsoft.Extensions.Diagnostics.HealthChecks.Abstractions (>= 3.1.3)
      Microsoft.Extensions.Hosting.Abstractions (>= 3.1.3)
      Microsoft.Extensions.Options (>= 3.1.3)
    Microsoft.Extensions.Diagnostics.HealthChecks.Abstractions (3.1.3)
    Microsoft.Extensions.Diagnostics.HealthChecks.EntityFrameworkCore (3.1.3)
      Microsoft.EntityFrameworkCore.Relational (>= 3.1.3)
      Microsoft.Extensions.Diagnostics.HealthChecks (>= 3.1.3)
      Microsoft.Extensions.Diagnostics.HealthChecks.Abstractions (>= 3.1.3)
    Microsoft.Extensions.FileProviders.Abstractions (3.1.3)
      Microsoft.Extensions.Primitives (>= 3.1.3)
    Microsoft.Extensions.FileProviders.Composite (3.1.3)
      Microsoft.Extensions.FileProviders.Abstractions (>= 3.1.3)
    Microsoft.Extensions.FileProviders.Embedded (3.1.3)
      Microsoft.Extensions.FileProviders.Abstractions (>= 3.1.3)
    Microsoft.Extensions.FileProviders.Physical (3.1.3)
      Microsoft.Extensions.FileProviders.Abstractions (>= 3.1.3)
      Microsoft.Extensions.FileSystemGlobbing (>= 3.1.3)
    Microsoft.Extensions.FileSystemGlobbing (3.1.3)
    Microsoft.Extensions.Hosting.Abstractions (3.1.3)
      Microsoft.Extensions.Configuration.Abstractions (>= 3.1.3)
      Microsoft.Extensions.DependencyInjection.Abstractions (>= 3.1.3)
      Microsoft.Extensions.FileProviders.Abstractions (>= 3.1.3)
      Microsoft.Extensions.Logging.Abstractions (>= 3.1.3)
    Microsoft.Extensions.Http (3.1.3)
      Microsoft.Extensions.DependencyInjection.Abstractions (>= 3.1.3)
      Microsoft.Extensions.Logging (>= 3.1.3)
      Microsoft.Extensions.Options (>= 3.1.3)
    Microsoft.Extensions.Localization (3.1.3)
      Microsoft.Extensions.DependencyInjection.Abstractions (>= 3.1.3)
      Microsoft.Extensions.Localization.Abstractions (>= 3.1.3)
      Microsoft.Extensions.Logging.Abstractions (>= 3.1.3)
      Microsoft.Extensions.Options (>= 3.1.3)
    Microsoft.Extensions.Localization.Abstractions (3.1.3)
    Microsoft.Extensions.Logging (3.1.3)
      Microsoft.Extensions.Configuration.Binder (>= 3.1.3)
      Microsoft.Extensions.DependencyInjection (>= 3.1.3)
      Microsoft.Extensions.Logging.Abstractions (>= 3.1.3)
      Microsoft.Extensions.Options (>= 3.1.3)
    Microsoft.Extensions.Logging.Abstractions (3.1.3)
    Microsoft.Extensions.Logging.AzureAppServices (3.1.3)
      Microsoft.Extensions.Configuration.EnvironmentVariables (>= 3.1.3)
      Microsoft.Extensions.Configuration.Json (>= 3.1.3)
      Microsoft.Extensions.Logging (>= 3.1.3)
      Microsoft.Extensions.Logging.Abstractions (>= 3.1.3)
      Microsoft.Extensions.Logging.Configuration (>= 3.1.3)
      System.ValueTuple (>= 4.5)
    Microsoft.Extensions.Logging.Configuration (3.1.3)
      Microsoft.Extensions.Logging (>= 3.1.3)
      Microsoft.Extensions.Options.ConfigurationExtensions (>= 3.1.3)
    Microsoft.Extensions.ObjectPool (3.1.3)
    Microsoft.Extensions.Options (3.1.3)
      Microsoft.Extensions.DependencyInjection.Abstractions (>= 3.1.3)
      Microsoft.Extensions.Primitives (>= 3.1.3)
    Microsoft.Extensions.Options.ConfigurationExtensions (3.1.3)
      Microsoft.Extensions.Configuration.Abstractions (>= 3.1.3)
      Microsoft.Extensions.Configuration.Binder (>= 3.1.3)
      Microsoft.Extensions.DependencyInjection.Abstractions (>= 3.1.3)
      Microsoft.Extensions.Options (>= 3.1.3)
    Microsoft.Extensions.Primitives (3.1.3)
    Microsoft.Extensions.WebEncoders (3.1.3)
      Microsoft.Extensions.DependencyInjection.Abstractions (>= 3.1.3)
      Microsoft.Extensions.Options (>= 3.1.3)
    Microsoft.Identity.Client (4.10)
      Microsoft.CSharp (>= 4.5)
      System.ComponentModel.TypeConverter (>= 4.3)
      System.Net.NameResolution (>= 4.3)
      System.Private.Uri (>= 4.3.2)
      System.Runtime.Serialization.Formatters (>= 4.3)
      System.Runtime.Serialization.Json (>= 4.3)
      System.Runtime.Serialization.Primitives (>= 4.3)
      System.Security.SecureString (>= 4.3)
      System.Xml.XDocument (>= 4.3)
    Microsoft.IdentityModel.JsonWebTokens (6.5)
      Microsoft.IdentityModel.Tokens (>= 6.5)
    Microsoft.IdentityModel.Logging (6.5)
    Microsoft.IdentityModel.Protocols (5.5)
      Microsoft.IdentityModel.Logging (>= 5.5)
      Microsoft.IdentityModel.Tokens (>= 5.5)
    Microsoft.IdentityModel.Protocols.OpenIdConnect (5.5)
      Microsoft.IdentityModel.Protocols (>= 5.5)
      Newtonsoft.Json (>= 10.0.1)
      System.IdentityModel.Tokens.Jwt (>= 5.5)
    Microsoft.IdentityModel.Tokens (6.5)
      Microsoft.CSharp (>= 4.5)
      Microsoft.IdentityModel.Logging (>= 6.5)
      System.Security.Cryptography.Cng (>= 4.5)
    Microsoft.Net.Http.Headers (2.2.8)
      Microsoft.Extensions.Primitives (>= 2.2)
      System.Buffers (>= 4.5)
    Microsoft.NET.Test.Sdk (16.5)
      Microsoft.CodeCoverage (>= 16.5)
      Microsoft.TestPlatform.TestHost (>= 16.5)
    Microsoft.NETCore.App (2.2.8)
      Microsoft.NETCore.DotNetHostPolicy (>= 2.2.8)
      Microsoft.NETCore.Platforms (>= 2.2.4)
      Microsoft.NETCore.Targets (>= 2.0)
      NETStandard.Library (>= 2.0.3)
    Microsoft.NETCore.DotNetAppHost (3.1.3)
    Microsoft.NETCore.DotNetHostPolicy (3.1.3)
      Microsoft.NETCore.DotNetHostResolver (>= 3.1.3)
    Microsoft.NETCore.DotNetHostResolver (3.1.3)
      Microsoft.NETCore.DotNetAppHost (>= 3.1.3)
    Microsoft.NETCore.Platforms (3.1)
    Microsoft.NETCore.Targets (3.1)
    Microsoft.OpenApi (1.1.4)
    Microsoft.Rest.ClientRuntime (2.3.10)
      NETStandard.Library (>= 1.6.1)
      Newtonsoft.Json (>= 9.0.1)
    Microsoft.SyndicationFeed.ReaderWriter (1.0.2)
      System.Globalization (>= 4.3)
      System.Linq (>= 4.3)
      System.Runtime.Extensions (>= 4.3)
      System.Xml.ReaderWriter (>= 4.3)
    Microsoft.TestPlatform.ObjectModel (16.5)
      NuGet.Frameworks (>= 5.0)
    Microsoft.TestPlatform.TestHost (16.5)
      Microsoft.TestPlatform.ObjectModel (>= 16.5)
      Newtonsoft.Json (>= 9.0.1)
    Microsoft.VisualStudio.Web.BrowserLink (2.2)
      Microsoft.AspNetCore.Hosting.Abstractions (>= 2.2)
      Microsoft.AspNetCore.Http.Abstractions (>= 2.2)
      Microsoft.AspNetCore.Http.Extensions (>= 2.2)
      Microsoft.Extensions.FileProviders.Physical (>= 2.2)
    Microsoft.Win32.Primitives (4.3)
      Microsoft.NETCore.Platforms (>= 1.1)
      Microsoft.NETCore.Targets (>= 1.1)
      System.Runtime (>= 4.3)
    Microsoft.Win32.Registry (4.7)
      System.Security.AccessControl (>= 4.7)
      System.Security.Principal.Windows (>= 4.7)
    Microsoft.Win32.SystemEvents (4.7)
      Microsoft.NETCore.Platforms (>= 3.1)
    Mono.Posix.NETStandard (1.0)
    Moq (4.13.1)
      Castle.Core (>= 4.4)
      System.Threading.Tasks.Extensions (>= 4.5.1)
    MSBuild.StructuredLogger (2.0.174)
      Microsoft.Build (>= 15.8.166)
      Microsoft.Build.Framework (>= 15.8.166)
      Microsoft.Build.Tasks.Core (>= 15.8.166)
      Microsoft.Build.Utilities.Core (>= 15.8.166)
    Namotion.Reflection (1.0.11)
      Microsoft.CSharp (>= 4.3)
    NEST (6.0.2)
      Elasticsearch.Net (>= 6.0.2 < 7.0)
      NETStandard.Library (>= 1.6)
      System.Collections.Specialized (>= 4.3)
      System.ComponentModel.TypeConverter (>= 4.3)
      System.Linq.Queryable (>= 4.0.1)
      System.Reflection.TypeExtensions (>= 4.3)
      System.Runtime.Serialization.Formatters (>= 4.3)
      System.Runtime.Serialization.Primitives (>= 4.3)
      System.Xml.XmlDocument (>= 4.3)
    NETStandard.Library (2.0.3)
      Microsoft.NETCore.Platforms (>= 1.1)
    Newtonsoft.Json (12.0.3)
    Newtonsoft.Json.Bson (1.0.2)
      Newtonsoft.Json (>= 12.0.1)
    NJsonSchema (10.1.12)
      Namotion.Reflection (>= 1.0.11)
      Newtonsoft.Json (>= 9.0.1)
    NJsonSchema.CodeGeneration (10.1.12)
      DotLiquid (>= 2.0.314)
      Newtonsoft.Json (>= 9.0.1)
      NJsonSchema (>= 10.1.12)
    NJsonSchema.CodeGeneration.CSharp (10.1.12)
      Newtonsoft.Json (>= 9.0.1)
      NJsonSchema (>= 10.1.12)
      NJsonSchema.CodeGeneration (>= 10.1.12)
    NJsonSchema.CodeGeneration.TypeScript (10.1.12)
      Microsoft.CSharp (>= 4.3)
      Newtonsoft.Json (>= 9.0.1)
      NJsonSchema (>= 10.1.12)
      NJsonSchema.CodeGeneration (>= 10.1.12)
    NodaTime (2.4.7)
    NodaTime.Serialization.JsonNet (2.2)
      Newtonsoft.Json (>= 9.0.1)
      NodaTime (>= 2.4.5)
    NSwag.CodeGeneration (13.3)
      Newtonsoft.Json (>= 9.0.1)
      NJsonSchema (>= 10.1.11)
      NJsonSchema.CodeGeneration (>= 10.1.11)
      NSwag.Core (>= 13.3)
    NSwag.CodeGeneration.CSharp (13.3)
      NJsonSchema.CodeGeneration.CSharp (>= 10.1.11)
      NSwag.CodeGeneration (>= 13.3)
    NSwag.CodeGeneration.TypeScript (13.3)
      NJsonSchema.CodeGeneration.TypeScript (>= 10.1.11)
      NSwag.CodeGeneration (>= 13.3)
    NSwag.Core (13.3)
      Newtonsoft.Json (>= 9.0.1)
      NJsonSchema (>= 10.1.11)
    NuGet.Common (5.5)
      NuGet.Frameworks (>= 5.5)
      System.Diagnostics.Process (>= 4.3)
      System.Threading.Thread (>= 4.3)
    NuGet.Configuration (5.5)
      NuGet.Common (>= 5.5)
      System.Security.Cryptography.ProtectedData (>= 4.3)
    NuGet.Frameworks (5.5)
    NuGet.Packaging (5.5)
      Newtonsoft.Json (>= 9.0.1)
      NuGet.Configuration (>= 5.5)
      NuGet.Versioning (>= 5.5)
      System.Dynamic.Runtime (>= 4.3)
    NuGet.Protocol (5.5)
      NuGet.Packaging (>= 5.5)
      System.Dynamic.Runtime (>= 4.3)
    NuGet.Versioning (5.5)
    Optional (4.0)
    Polly (7.2)
    RestSharp (106.10.1)
    runtime.debian.8-x64.runtime.native.System.Security.Cryptography.OpenSsl (4.3.3)
    runtime.debian.9-x64.runtime.native.System.Security.Cryptography.OpenSsl (4.3.3)
    runtime.fedora.23-x64.runtime.native.System.Security.Cryptography.OpenSsl (4.3.3)
    runtime.fedora.24-x64.runtime.native.System.Security.Cryptography.OpenSsl (4.3.3)
    runtime.fedora.27-x64.runtime.native.System.Security.Cryptography.OpenSsl (4.3.3)
    runtime.fedora.28-x64.runtime.native.System.Security.Cryptography.OpenSsl (4.3.3)
    runtime.native.System (4.3.1)
      Microsoft.NETCore.Platforms (>= 1.1.1)
      Microsoft.NETCore.Targets (>= 1.1.3)
    runtime.native.System.Data.SqlClient.sni (4.7)
      runtime.win-arm64.runtime.native.System.Data.SqlClient.sni (>= 4.4)
      runtime.win-x64.runtime.native.System.Data.SqlClient.sni (>= 4.4)
      runtime.win-x86.runtime.native.System.Data.SqlClient.sni (>= 4.4)
    runtime.native.System.Net.Http (4.3.1)
      Microsoft.NETCore.Platforms (>= 1.1.1)
      Microsoft.NETCore.Targets (>= 1.1.3)
    runtime.native.System.Net.Security (4.3.1)
      Microsoft.NETCore.Platforms (>= 1.1.1)
      Microsoft.NETCore.Targets (>= 1.1.3)
    runtime.native.System.Security.Cryptography.Apple (4.3.1)
      runtime.osx.10.10-x64.runtime.native.System.Security.Cryptography.Apple (>= 4.3.1)
    runtime.native.System.Security.Cryptography.OpenSsl (4.3.3)
      runtime.debian.8-x64.runtime.native.System.Security.Cryptography.OpenSsl (>= 4.3.3)
      runtime.debian.9-x64.runtime.native.System.Security.Cryptography.OpenSsl (>= 4.3.3)
      runtime.fedora.23-x64.runtime.native.System.Security.Cryptography.OpenSsl (>= 4.3.3)
      runtime.fedora.24-x64.runtime.native.System.Security.Cryptography.OpenSsl (>= 4.3.3)
      runtime.fedora.27-x64.runtime.native.System.Security.Cryptography.OpenSsl (>= 4.3.3)
      runtime.fedora.28-x64.runtime.native.System.Security.Cryptography.OpenSsl (>= 4.3.3)
      runtime.opensuse.13.2-x64.runtime.native.System.Security.Cryptography.OpenSsl (>= 4.3.3)
      runtime.opensuse.42.1-x64.runtime.native.System.Security.Cryptography.OpenSsl (>= 4.3.3)
      runtime.opensuse.42.3-x64.runtime.native.System.Security.Cryptography.OpenSsl (>= 4.3.3)
      runtime.osx.10.10-x64.runtime.native.System.Security.Cryptography.OpenSsl (>= 4.3.3)
      runtime.rhel.7-x64.runtime.native.System.Security.Cryptography.OpenSsl (>= 4.3.3)
      runtime.ubuntu.14.04-x64.runtime.native.System.Security.Cryptography.OpenSsl (>= 4.3.3)
      runtime.ubuntu.16.04-x64.runtime.native.System.Security.Cryptography.OpenSsl (>= 4.3.3)
      runtime.ubuntu.16.10-x64.runtime.native.System.Security.Cryptography.OpenSsl (>= 4.3.3)
      runtime.ubuntu.18.04-x64.runtime.native.System.Security.Cryptography.OpenSsl (>= 4.3.3)
    runtime.opensuse.13.2-x64.runtime.native.System.Security.Cryptography.OpenSsl (4.3.3)
    runtime.opensuse.42.1-x64.runtime.native.System.Security.Cryptography.OpenSsl (4.3.3)
    runtime.opensuse.42.3-x64.runtime.native.System.Security.Cryptography.OpenSsl (4.3.3)
    runtime.osx.10.10-x64.runtime.native.System.Security.Cryptography.Apple (4.3.1)
    runtime.osx.10.10-x64.runtime.native.System.Security.Cryptography.OpenSsl (4.3.3)
    runtime.rhel.7-x64.runtime.native.System.Security.Cryptography.OpenSsl (4.3.3)
    runtime.ubuntu.14.04-x64.runtime.native.System.Security.Cryptography.OpenSsl (4.3.3)
    runtime.ubuntu.16.04-x64.runtime.native.System.Security.Cryptography.OpenSsl (4.3.3)
    runtime.ubuntu.16.10-x64.runtime.native.System.Security.Cryptography.OpenSsl (4.3.3)
    runtime.ubuntu.18.04-x64.runtime.native.System.Security.Cryptography.OpenSsl (4.3.3)
    runtime.win-arm64.runtime.native.System.Data.SqlClient.sni (4.4)
    runtime.win-x64.runtime.native.System.Data.SqlClient.sni (4.4)
    runtime.win-x86.runtime.native.System.Data.SqlClient.sni (4.4)
    Scrutor (3.2)
      Microsoft.Extensions.DependencyInjection.Abstractions (>= 2.1.1)
      Microsoft.Extensions.DependencyModel (>= 2.1)
    Serilog (2.9)
    Serilog.Enrichers.Environment (2.1.3)
      NETStandard.Library (>= 1.6.1)
      Serilog (>= 2.3)
    Serilog.Enrichers.Thread (3.1)
      Serilog (>= 2.3)
    Serilog.Extensions.Logging (3.0.1)
      Microsoft.Extensions.Logging (>= 2.0)
      Serilog (>= 2.8)
    Serilog.Formatting.Compact (1.1)
      Serilog (>= 2.8)
    Serilog.Settings.Configuration (3.1)
      Microsoft.Extensions.DependencyModel (>= 2.0.4)
      Microsoft.Extensions.Options.ConfigurationExtensions (>= 2.0)
      Serilog (>= 2.6)
    Serilog.Sinks.Console (3.1.1)
      Serilog (>= 2.5)
      System.Console (>= 4.3)
      System.Runtime.InteropServices (>= 4.3)
      System.Runtime.InteropServices.RuntimeInformation (>= 4.3)
    Serilog.Sinks.Elasticsearch (6.1)
      Elasticsearch.Net (>= 6.0)
      NETStandard.Library (>= 1.6)
      Serilog (>= 2.6)
      Serilog.Sinks.File (>= 4.0)
      Serilog.Sinks.PeriodicBatching (>= 2.1.1)
      Serilog.Sinks.RollingFile (>= 3.3)
    Serilog.Sinks.File (4.1)
      Serilog (>= 2.5)
      System.IO.FileSystem (>= 4.0.1)
      System.Text.Encoding.Extensions (>= 4.0.11)
      System.Threading.Timer (>= 4.0.1)
    Serilog.Sinks.Literate (3.0)
      Serilog.Sinks.Console (>= 3.0.1)
    Serilog.Sinks.PeriodicBatching (2.3)
      Serilog (>= 2.0)
      System.Collections.Concurrent (>= 4.0.12)
      System.Threading.Timer (>= 4.0.1)
    Serilog.Sinks.RollingFile (3.3)
      Serilog.Sinks.File (>= 3.2)
      System.IO (>= 4.1)
      System.IO.FileSystem.Primitives (>= 4.0.1)
      System.Runtime.InteropServices (>= 4.1)
      System.Text.Encoding.Extensions (>= 4.0.11)
    SourceLink.Copy.PdbFiles (2.8.3) - copy_local: true
    SourceLink.Embed.AllSourceFiles (2.8.3) - copy_local: true
    SqlStreamStore (1.1.3)
      Microsoft.CSharp (>= 4.4.1)
    SqlStreamStore.MsSql (1.1.3)
      SqlStreamStore (>= 1.1.3)
      System.Data.SqlClient (>= 4.4.3)
    Swashbuckle.AspNetCore (5.3.3)
      Microsoft.Extensions.ApiDescription.Server (>= 3.0)
      Swashbuckle.AspNetCore.Swagger (>= 5.3.3)
      Swashbuckle.AspNetCore.SwaggerGen (>= 5.3.3)
      Swashbuckle.AspNetCore.SwaggerUI (>= 5.3.3)
    Swashbuckle.AspNetCore.Annotations (5.3.3)
      Swashbuckle.AspNetCore.SwaggerGen (>= 5.3.3)
    Swashbuckle.AspNetCore.Filters (5.1.1)
      Microsoft.AspNetCore.Mvc.NewtonsoftJson (>= 3.0)
      Microsoft.Extensions.DependencyInjection (>= 2.1)
      Microsoft.OpenApi (>= 1.1.4)
      Scrutor (>= 3.0.1)
      Swashbuckle.AspNetCore (>= 5.0)
      Swashbuckle.AspNetCore.Annotations (>= 5.0)
    Swashbuckle.AspNetCore.Newtonsoft (5.3.3)
      Microsoft.AspNetCore.Mvc.NewtonsoftJson (>= 3.0)
      Swashbuckle.AspNetCore.SwaggerGen (>= 5.3.3)
    Swashbuckle.AspNetCore.Swagger (5.3.3)
      Microsoft.OpenApi (>= 1.1.4)
    Swashbuckle.AspNetCore.SwaggerGen (5.3.3)
      Swashbuckle.AspNetCore.Swagger (>= 5.3.3)
    Swashbuckle.AspNetCore.SwaggerUI (5.3.3)
    System.AppContext (4.3)
      System.Runtime (>= 4.3)
    System.Buffers (4.5.1)
    System.CodeDom (4.7)
    System.Collections (4.3)
      Microsoft.NETCore.Platforms (>= 1.1)
      Microsoft.NETCore.Targets (>= 1.1)
      System.Runtime (>= 4.3)
    System.Collections.Concurrent (4.3)
      System.Collections (>= 4.3)
      System.Diagnostics.Debug (>= 4.3)
      System.Diagnostics.Tracing (>= 4.3)
      System.Globalization (>= 4.3)
      System.Reflection (>= 4.3)
      System.Resources.ResourceManager (>= 4.3)
      System.Runtime (>= 4.3)
      System.Runtime.Extensions (>= 4.3)
      System.Threading (>= 4.3)
      System.Threading.Tasks (>= 4.3)
    System.Collections.Immutable (1.7)
    System.Collections.NonGeneric (4.3)
      System.Diagnostics.Debug (>= 4.3)
      System.Globalization (>= 4.3)
      System.Resources.ResourceManager (>= 4.3)
      System.Runtime (>= 4.3)
      System.Runtime.Extensions (>= 4.3)
      System.Threading (>= 4.3)
    System.Collections.Specialized (4.3)
      System.Collections.NonGeneric (>= 4.3)
      System.Globalization (>= 4.3)
      System.Globalization.Extensions (>= 4.3)
      System.Resources.ResourceManager (>= 4.3)
      System.Runtime (>= 4.3)
      System.Runtime.Extensions (>= 4.3)
      System.Threading (>= 4.3)
    System.ComponentModel (4.3)
      System.Runtime (>= 4.3)
    System.ComponentModel.Annotations (4.7)
    System.ComponentModel.Primitives (4.3)
      System.ComponentModel (>= 4.3)
      System.Resources.ResourceManager (>= 4.3)
      System.Runtime (>= 4.3)
    System.ComponentModel.TypeConverter (4.3)
      System.Collections (>= 4.3)
      System.Collections.NonGeneric (>= 4.3)
      System.Collections.Specialized (>= 4.3)
      System.ComponentModel (>= 4.3)
      System.ComponentModel.Primitives (>= 4.3)
      System.Globalization (>= 4.3)
      System.Linq (>= 4.3)
      System.Reflection (>= 4.3)
      System.Reflection.Extensions (>= 4.3)
      System.Reflection.Primitives (>= 4.3)
      System.Reflection.TypeExtensions (>= 4.3)
      System.Resources.ResourceManager (>= 4.3)
      System.Runtime (>= 4.3)
      System.Runtime.Extensions (>= 4.3)
      System.Threading (>= 4.3)
    System.Configuration.ConfigurationManager (4.7)
      System.Security.Cryptography.ProtectedData (>= 4.7)
      System.Security.Permissions (>= 4.7)
    System.Console (4.3.1)
      Microsoft.NETCore.Platforms (>= 1.1)
      Microsoft.NETCore.Targets (>= 1.1.2)
      System.IO (>= 4.3)
      System.Runtime (>= 4.3)
      System.Text.Encoding (>= 4.3)
    System.Data.Common (4.3)
      System.Collections (>= 4.3)
      System.Globalization (>= 4.3)
      System.IO (>= 4.3)
      System.Resources.ResourceManager (>= 4.3)
      System.Runtime (>= 4.3)
      System.Runtime.Extensions (>= 4.3)
      System.Text.RegularExpressions (>= 4.3)
      System.Threading.Tasks (>= 4.3)
    System.Data.SqlClient (4.8.1)
      Microsoft.Win32.Registry (>= 4.7)
      runtime.native.System.Data.SqlClient.sni (>= 4.7)
      System.Security.Principal.Windows (>= 4.7)
    System.Diagnostics.Debug (4.3)
      Microsoft.NETCore.Platforms (>= 1.1)
      Microsoft.NETCore.Targets (>= 1.1)
      System.Runtime (>= 4.3)
    System.Diagnostics.DiagnosticSource (4.7)
    System.Diagnostics.FileVersionInfo (4.3)
      Microsoft.NETCore.Platforms (>= 1.1)
      System.Globalization (>= 4.3)
      System.IO (>= 4.3)
      System.IO.FileSystem (>= 4.3)
      System.IO.FileSystem.Primitives (>= 4.3)
      System.Reflection.Metadata (>= 1.4.1)
      System.Runtime (>= 4.3)
      System.Runtime.Extensions (>= 4.3)
      System.Runtime.InteropServices (>= 4.3)
    System.Diagnostics.Process (4.3)
      Microsoft.NETCore.Platforms (>= 1.1)
      Microsoft.Win32.Primitives (>= 4.3)
      Microsoft.Win32.Registry (>= 4.3)
      runtime.native.System (>= 4.3)
      System.Collections (>= 4.3)
      System.Diagnostics.Debug (>= 4.3)
      System.Globalization (>= 4.3)
      System.IO (>= 4.3)
      System.IO.FileSystem (>= 4.3)
      System.IO.FileSystem.Primitives (>= 4.3)
      System.Resources.ResourceManager (>= 4.3)
      System.Runtime (>= 4.3)
      System.Runtime.Extensions (>= 4.3)
      System.Runtime.Handles (>= 4.3)
      System.Runtime.InteropServices (>= 4.3)
      System.Text.Encoding (>= 4.3)
      System.Text.Encoding.Extensions (>= 4.3)
      System.Threading (>= 4.3)
      System.Threading.Tasks (>= 4.3)
      System.Threading.Thread (>= 4.3)
      System.Threading.ThreadPool (>= 4.3)
    System.Diagnostics.Tools (4.3)
      Microsoft.NETCore.Platforms (>= 1.1)
      Microsoft.NETCore.Targets (>= 1.1)
      System.Runtime (>= 4.3)
    System.Diagnostics.TraceSource (4.3)
      Microsoft.NETCore.Platforms (>= 1.1)
      runtime.native.System (>= 4.3)
      System.Collections (>= 4.3)
      System.Diagnostics.Debug (>= 4.3)
      System.Globalization (>= 4.3)
      System.Resources.ResourceManager (>= 4.3)
      System.Runtime (>= 4.3)
      System.Runtime.Extensions (>= 4.3)
      System.Threading (>= 4.3)
    System.Diagnostics.Tracing (4.3)
      Microsoft.NETCore.Platforms (>= 1.1)
      Microsoft.NETCore.Targets (>= 1.1)
      System.Runtime (>= 4.3)
    System.Drawing.Common (4.7)
      Microsoft.NETCore.Platforms (>= 3.1)
      Microsoft.Win32.SystemEvents (>= 4.7)
    System.Dynamic.Runtime (4.3)
      System.Collections (>= 4.3)
      System.Diagnostics.Debug (>= 4.3)
      System.Linq (>= 4.3)
      System.Linq.Expressions (>= 4.3)
      System.ObjectModel (>= 4.3)
      System.Reflection (>= 4.3)
      System.Reflection.Emit (>= 4.3)
      System.Reflection.Emit.ILGeneration (>= 4.3)
      System.Reflection.Primitives (>= 4.3)
      System.Reflection.TypeExtensions (>= 4.3)
      System.Resources.ResourceManager (>= 4.3)
      System.Runtime (>= 4.3)
      System.Runtime.Extensions (>= 4.3)
      System.Threading (>= 4.3)
    System.Globalization (4.3)
      Microsoft.NETCore.Platforms (>= 1.1)
      Microsoft.NETCore.Targets (>= 1.1)
      System.Runtime (>= 4.3)
    System.Globalization.Calendars (4.3)
      Microsoft.NETCore.Platforms (>= 1.1)
      Microsoft.NETCore.Targets (>= 1.1)
      System.Globalization (>= 4.3)
      System.Runtime (>= 4.3)
    System.Globalization.Extensions (4.3)
      Microsoft.NETCore.Platforms (>= 1.1)
      System.Globalization (>= 4.3)
      System.Resources.ResourceManager (>= 4.3)
      System.Runtime (>= 4.3)
      System.Runtime.Extensions (>= 4.3)
      System.Runtime.InteropServices (>= 4.3)
    System.IdentityModel.Tokens.Jwt (6.5)
      Microsoft.IdentityModel.JsonWebTokens (>= 6.5)
      Microsoft.IdentityModel.Tokens (>= 6.5)
    System.Interactive.Async (3.2)
    System.IO (4.3)
      Microsoft.NETCore.Platforms (>= 1.1)
      Microsoft.NETCore.Targets (>= 1.1)
      System.Runtime (>= 4.3)
      System.Text.Encoding (>= 4.3)
      System.Threading.Tasks (>= 4.3)
    System.IO.FileSystem (4.3)
      Microsoft.NETCore.Platforms (>= 1.1)
      Microsoft.NETCore.Targets (>= 1.1)
      System.IO (>= 4.3)
      System.IO.FileSystem.Primitives (>= 4.3)
      System.Runtime (>= 4.3)
      System.Runtime.Handles (>= 4.3)
      System.Text.Encoding (>= 4.3)
      System.Threading.Tasks (>= 4.3)
    System.IO.FileSystem.Primitives (4.3)
      System.Runtime (>= 4.3)
    System.IO.FileSystem.Watcher (4.3)
      Microsoft.NETCore.Platforms (>= 1.1)
      Microsoft.Win32.Primitives (>= 4.3)
      runtime.native.System (>= 4.3)
      System.Collections (>= 4.3)
      System.IO.FileSystem (>= 4.3)
      System.IO.FileSystem.Primitives (>= 4.3)
      System.Resources.ResourceManager (>= 4.3)
      System.Runtime (>= 4.3)
      System.Runtime.Extensions (>= 4.3)
      System.Runtime.Handles (>= 4.3)
      System.Runtime.InteropServices (>= 4.3)
      System.Text.Encoding (>= 4.3)
      System.Threading (>= 4.3)
      System.Threading.Overlapped (>= 4.3)
      System.Threading.Tasks (>= 4.3)
      System.Threading.Thread (>= 4.3)
    System.IO.Pipelines (4.7.1)
    System.Linq (4.3)
      System.Collections (>= 4.3)
      System.Diagnostics.Debug (>= 4.3)
      System.Resources.ResourceManager (>= 4.3)
      System.Runtime (>= 4.3)
      System.Runtime.Extensions (>= 4.3)
    System.Linq.Expressions (4.3)
      System.Collections (>= 4.3)
      System.Diagnostics.Debug (>= 4.3)
      System.Globalization (>= 4.3)
      System.IO (>= 4.3)
      System.Linq (>= 4.3)
      System.ObjectModel (>= 4.3)
      System.Reflection (>= 4.3)
      System.Reflection.Emit (>= 4.3)
      System.Reflection.Emit.ILGeneration (>= 4.3)
      System.Reflection.Emit.Lightweight (>= 4.3)
      System.Reflection.Extensions (>= 4.3)
      System.Reflection.Primitives (>= 4.3)
      System.Reflection.TypeExtensions (>= 4.3)
      System.Resources.ResourceManager (>= 4.3)
      System.Runtime (>= 4.3)
      System.Runtime.Extensions (>= 4.3)
      System.Threading (>= 4.3)
    System.Linq.Parallel (4.3)
      System.Collections (>= 4.3)
      System.Collections.Concurrent (>= 4.3)
      System.Diagnostics.Debug (>= 4.3)
      System.Diagnostics.Tracing (>= 4.3)
      System.Linq (>= 4.3)
      System.Resources.ResourceManager (>= 4.3)
      System.Runtime (>= 4.3)
      System.Runtime.Extensions (>= 4.3)
      System.Threading (>= 4.3)
      System.Threading.Tasks (>= 4.3)
    System.Linq.Queryable (4.3)
      System.Collections (>= 4.3)
      System.Diagnostics.Debug (>= 4.3)
      System.Linq (>= 4.3)
      System.Linq.Expressions (>= 4.3)
      System.Reflection (>= 4.3)
      System.Reflection.Extensions (>= 4.3)
      System.Resources.ResourceManager (>= 4.3)
      System.Runtime (>= 4.3)
    System.Memory (4.5.4)
    System.Net.Http (4.3.4)
      Microsoft.NETCore.Platforms (>= 1.1.1)
      runtime.native.System (>= 4.3)
      runtime.native.System.Net.Http (>= 4.3)
      runtime.native.System.Security.Cryptography.OpenSsl (>= 4.3.2)
      System.Collections (>= 4.3)
      System.Diagnostics.Debug (>= 4.3)
      System.Diagnostics.DiagnosticSource (>= 4.3)
      System.Diagnostics.Tracing (>= 4.3)
      System.Globalization (>= 4.3)
      System.Globalization.Extensions (>= 4.3)
      System.IO (>= 4.3)
      System.IO.FileSystem (>= 4.3)
      System.Net.Primitives (>= 4.3)
      System.Resources.ResourceManager (>= 4.3)
      System.Runtime (>= 4.3)
      System.Runtime.Extensions (>= 4.3)
      System.Runtime.Handles (>= 4.3)
      System.Runtime.InteropServices (>= 4.3)
      System.Security.Cryptography.Algorithms (>= 4.3)
      System.Security.Cryptography.Encoding (>= 4.3)
      System.Security.Cryptography.OpenSsl (>= 4.3)
      System.Security.Cryptography.Primitives (>= 4.3)
      System.Security.Cryptography.X509Certificates (>= 4.3)
      System.Text.Encoding (>= 4.3)
      System.Threading (>= 4.3)
      System.Threading.Tasks (>= 4.3)
    System.Net.NameResolution (4.3)
      Microsoft.NETCore.Platforms (>= 1.1)
      runtime.native.System (>= 4.3)
      System.Collections (>= 4.3)
      System.Diagnostics.Tracing (>= 4.3)
      System.Globalization (>= 4.3)
      System.Net.Primitives (>= 4.3)
      System.Resources.ResourceManager (>= 4.3)
      System.Runtime (>= 4.3)
      System.Runtime.Extensions (>= 4.3)
      System.Runtime.Handles (>= 4.3)
      System.Runtime.InteropServices (>= 4.3)
      System.Security.Principal.Windows (>= 4.3)
      System.Threading (>= 4.3)
      System.Threading.Tasks (>= 4.3)
    System.Net.Primitives (4.3.1)
      Microsoft.NETCore.Platforms (>= 1.1.1)
      Microsoft.NETCore.Targets (>= 1.1.3)
      System.Runtime (>= 4.3.1)
      System.Runtime.Handles (>= 4.3)
    System.Net.Security (4.3.2)
      Microsoft.NETCore.Platforms (>= 1.1)
      Microsoft.Win32.Primitives (>= 4.3)
      runtime.native.System (>= 4.3)
      runtime.native.System.Net.Security (>= 4.3)
      runtime.native.System.Security.Cryptography.OpenSsl (>= 4.3.2)
      System.Collections (>= 4.3)
      System.Collections.Concurrent (>= 4.3)
      System.Diagnostics.Tracing (>= 4.3)
      System.Globalization (>= 4.3)
      System.Globalization.Extensions (>= 4.3)
      System.IO (>= 4.3)
      System.Net.Primitives (>= 4.3)
      System.Resources.ResourceManager (>= 4.3)
      System.Runtime (>= 4.3)
      System.Runtime.Extensions (>= 4.3)
      System.Runtime.Handles (>= 4.3)
      System.Runtime.InteropServices (>= 4.3)
      System.Security.Claims (>= 4.3)
      System.Security.Cryptography.Algorithms (>= 4.3)
      System.Security.Cryptography.Encoding (>= 4.3)
      System.Security.Cryptography.OpenSsl (>= 4.3)
      System.Security.Cryptography.Primitives (>= 4.3)
      System.Security.Cryptography.X509Certificates (>= 4.3)
      System.Security.Principal (>= 4.3)
      System.Text.Encoding (>= 4.3)
      System.Threading (>= 4.3)
      System.Threading.Tasks (>= 4.3)
      System.Threading.ThreadPool (>= 4.3)
    System.Net.Sockets (4.3)
      Microsoft.NETCore.Platforms (>= 1.1)
      Microsoft.NETCore.Targets (>= 1.1)
      System.IO (>= 4.3)
      System.Net.Primitives (>= 4.3)
      System.Runtime (>= 4.3)
      System.Threading.Tasks (>= 4.3)
    System.Numerics.Vectors (4.5)
    System.ObjectModel (4.3)
      System.Collections (>= 4.3)
      System.Diagnostics.Debug (>= 4.3)
      System.Resources.ResourceManager (>= 4.3)
      System.Runtime (>= 4.3)
      System.Threading (>= 4.3)
    System.Private.DataContractSerialization (4.3)
      System.Collections (>= 4.3)
      System.Collections.Concurrent (>= 4.3)
      System.Diagnostics.Debug (>= 4.3)
      System.Globalization (>= 4.3)
      System.IO (>= 4.3)
      System.Linq (>= 4.3)
      System.Reflection (>= 4.3)
      System.Reflection.Emit.ILGeneration (>= 4.3)
      System.Reflection.Emit.Lightweight (>= 4.3)
      System.Reflection.Extensions (>= 4.3)
      System.Reflection.Primitives (>= 4.3)
      System.Reflection.TypeExtensions (>= 4.3)
      System.Resources.ResourceManager (>= 4.3)
      System.Runtime (>= 4.3)
      System.Runtime.Extensions (>= 4.3)
      System.Runtime.Serialization.Primitives (>= 4.3)
      System.Text.Encoding (>= 4.3)
      System.Text.Encoding.Extensions (>= 4.3)
      System.Text.RegularExpressions (>= 4.3)
      System.Threading (>= 4.3)
      System.Threading.Tasks (>= 4.3)
      System.Xml.ReaderWriter (>= 4.3)
      System.Xml.XDocument (>= 4.3)
      System.Xml.XmlDocument (>= 4.3)
      System.Xml.XmlSerializer (>= 4.3)
    System.Private.ServiceModel (4.7)
      System.Reflection.DispatchProxy (>= 4.5)
      System.Security.Cryptography.Xml (>= 4.5)
      System.Security.Principal.Windows (>= 4.5)
    System.Private.Uri (4.3.2)
      Microsoft.NETCore.Platforms (>= 1.1.1)
      Microsoft.NETCore.Targets (>= 1.1.3)
    System.Reactive (4.3.2)
    System.Reactive.Compatibility (4.3.2)
      System.Reactive.Core (>= 4.3.2)
      System.Reactive.Interfaces (>= 4.3.2)
      System.Reactive.Linq (>= 4.3.2)
      System.Reactive.PlatformServices (>= 4.3.2)
      System.Reactive.Providers (>= 4.3.2)
    System.Reactive.Core (4.3.2)
      System.Reactive (>= 4.3.2)
      System.Threading.Tasks.Extensions (>= 4.5.3)
    System.Reactive.Interfaces (4.3.2)
      System.Reactive (>= 4.3.2)
      System.Threading.Tasks.Extensions (>= 4.5.3)
    System.Reactive.Linq (4.3.2)
      System.Reactive (>= 4.3.2)
      System.Threading.Tasks.Extensions (>= 4.5.3)
    System.Reactive.PlatformServices (4.3.2)
      System.Reactive (>= 4.3.2)
      System.Threading.Tasks.Extensions (>= 4.5.3)
    System.Reactive.Providers (4.3.2)
      System.Reactive (>= 4.3.2)
      System.Threading.Tasks.Extensions (>= 4.5.3)
    System.Reflection (4.3)
      Microsoft.NETCore.Platforms (>= 1.1)
      Microsoft.NETCore.Targets (>= 1.1)
      System.IO (>= 4.3)
      System.Reflection.Primitives (>= 4.3)
      System.Runtime (>= 4.3)
    System.Reflection.DispatchProxy (4.7)
    System.Reflection.Emit (4.7)
    System.Reflection.Emit.ILGeneration (4.7)
    System.Reflection.Emit.Lightweight (4.7)
    System.Reflection.Extensions (4.3)
      Microsoft.NETCore.Platforms (>= 1.1)
      Microsoft.NETCore.Targets (>= 1.1)
      System.Reflection (>= 4.3)
      System.Runtime (>= 4.3)
    System.Reflection.Metadata (1.8)
    System.Reflection.Primitives (4.3)
      Microsoft.NETCore.Platforms (>= 1.1)
      Microsoft.NETCore.Targets (>= 1.1)
      System.Runtime (>= 4.3)
    System.Reflection.TypeExtensions (4.6)
    System.Resources.Extensions (4.7)
    System.Resources.ResourceManager (4.3)
      Microsoft.NETCore.Platforms (>= 1.1)
      Microsoft.NETCore.Targets (>= 1.1)
      System.Globalization (>= 4.3)
      System.Reflection (>= 4.3)
      System.Runtime (>= 4.3)
    System.Resources.Writer (4.3)
      System.Collections (>= 4.3)
      System.IO (>= 4.3)
      System.Resources.ResourceManager (>= 4.3)
      System.Runtime (>= 4.3)
      System.Runtime.Extensions (>= 4.3)
      System.Text.Encoding (>= 4.3)
    System.Runtime (4.3.1)
      Microsoft.NETCore.Platforms (>= 1.1.1)
      Microsoft.NETCore.Targets (>= 1.1.3)
    System.Runtime.Caching (4.7)
      System.Configuration.ConfigurationManager (>= 4.7)
    System.Runtime.CompilerServices.Unsafe (4.7.1)
    System.Runtime.Extensions (4.3.1)
      Microsoft.NETCore.Platforms (>= 1.1.1)
      Microsoft.NETCore.Targets (>= 1.1.3)
      System.Runtime (>= 4.3.1)
    System.Runtime.Handles (4.3)
      Microsoft.NETCore.Platforms (>= 1.1)
      Microsoft.NETCore.Targets (>= 1.1)
      System.Runtime (>= 4.3)
    System.Runtime.InteropServices (4.3)
      Microsoft.NETCore.Platforms (>= 1.1)
      Microsoft.NETCore.Targets (>= 1.1)
      System.Reflection (>= 4.3)
      System.Reflection.Primitives (>= 4.3)
      System.Runtime (>= 4.3)
      System.Runtime.Handles (>= 4.3)
    System.Runtime.InteropServices.RuntimeInformation (4.3)
      runtime.native.System (>= 4.3)
      System.Reflection (>= 4.3)
      System.Reflection.Extensions (>= 4.3)
      System.Resources.ResourceManager (>= 4.3)
      System.Runtime (>= 4.3)
      System.Runtime.InteropServices (>= 4.3)
      System.Threading (>= 4.3)
    System.Runtime.Loader (4.3)
      System.IO (>= 4.3)
      System.Reflection (>= 4.3)
      System.Runtime (>= 4.3)
    System.Runtime.Numerics (4.3)
      System.Globalization (>= 4.3)
      System.Resources.ResourceManager (>= 4.3)
      System.Runtime (>= 4.3)
      System.Runtime.Extensions (>= 4.3)
    System.Runtime.Serialization.Formatters (4.3)
      System.Collections (>= 4.3)
      System.Reflection (>= 4.3)
      System.Resources.ResourceManager (>= 4.3)
      System.Runtime (>= 4.3)
      System.Runtime.Serialization.Primitives (>= 4.3)
    System.Runtime.Serialization.Json (4.3)
      System.IO (>= 4.3)
      System.Private.DataContractSerialization (>= 4.3)
      System.Runtime (>= 4.3)
    System.Runtime.Serialization.Primitives (4.3)
      System.Resources.ResourceManager (>= 4.3)
      System.Runtime (>= 4.3)
    System.Security.AccessControl (4.7)
      Microsoft.NETCore.Platforms (>= 3.1)
      System.Security.Principal.Windows (>= 4.7)
    System.Security.Claims (4.3)
      System.Collections (>= 4.3)
      System.Globalization (>= 4.3)
      System.IO (>= 4.3)
      System.Resources.ResourceManager (>= 4.3)
      System.Runtime (>= 4.3)
      System.Runtime.Extensions (>= 4.3)
      System.Security.Principal (>= 4.3)
    System.Security.Cryptography.Algorithms (4.3.1)
      Microsoft.NETCore.Platforms (>= 1.1)
      runtime.native.System.Security.Cryptography.Apple (>= 4.3.1)
      runtime.native.System.Security.Cryptography.OpenSsl (>= 4.3.2)
      System.Collections (>= 4.3)
      System.IO (>= 4.3)
      System.Resources.ResourceManager (>= 4.3)
      System.Runtime (>= 4.3)
      System.Runtime.Extensions (>= 4.3)
      System.Runtime.Handles (>= 4.3)
      System.Runtime.InteropServices (>= 4.3)
      System.Runtime.Numerics (>= 4.3)
      System.Security.Cryptography.Encoding (>= 4.3)
      System.Security.Cryptography.Primitives (>= 4.3)
      System.Text.Encoding (>= 4.3)
    System.Security.Cryptography.Cng (4.7)
    System.Security.Cryptography.Csp (4.3)
      Microsoft.NETCore.Platforms (>= 1.1)
      System.IO (>= 4.3)
      System.Reflection (>= 4.3)
      System.Resources.ResourceManager (>= 4.3)
      System.Runtime (>= 4.3)
      System.Runtime.Extensions (>= 4.3)
      System.Runtime.Handles (>= 4.3)
      System.Runtime.InteropServices (>= 4.3)
      System.Security.Cryptography.Algorithms (>= 4.3)
      System.Security.Cryptography.Encoding (>= 4.3)
      System.Security.Cryptography.Primitives (>= 4.3)
      System.Text.Encoding (>= 4.3)
      System.Threading (>= 4.3)
    System.Security.Cryptography.Encoding (4.3)
      Microsoft.NETCore.Platforms (>= 1.1)
      runtime.native.System.Security.Cryptography.OpenSsl (>= 4.3)
      System.Collections (>= 4.3)
      System.Collections.Concurrent (>= 4.3)
      System.Linq (>= 4.3)
      System.Resources.ResourceManager (>= 4.3)
      System.Runtime (>= 4.3)
      System.Runtime.Extensions (>= 4.3)
      System.Runtime.Handles (>= 4.3)
      System.Runtime.InteropServices (>= 4.3)
      System.Security.Cryptography.Primitives (>= 4.3)
      System.Text.Encoding (>= 4.3)
    System.Security.Cryptography.OpenSsl (4.7)
    System.Security.Cryptography.Pkcs (4.7)
      System.Security.Cryptography.Cng (>= 4.7)
    System.Security.Cryptography.Primitives (4.3)
      System.Diagnostics.Debug (>= 4.3)
      System.Globalization (>= 4.3)
      System.IO (>= 4.3)
      System.Resources.ResourceManager (>= 4.3)
      System.Runtime (>= 4.3)
      System.Threading (>= 4.3)
      System.Threading.Tasks (>= 4.3)
    System.Security.Cryptography.ProtectedData (4.7)
    System.Security.Cryptography.X509Certificates (4.3.2)
      Microsoft.NETCore.Platforms (>= 1.1)
      runtime.native.System (>= 4.3)
      runtime.native.System.Net.Http (>= 4.3)
      runtime.native.System.Security.Cryptography.OpenSsl (>= 4.3.2)
      System.Collections (>= 4.3)
      System.Diagnostics.Debug (>= 4.3)
      System.Globalization (>= 4.3)
      System.Globalization.Calendars (>= 4.3)
      System.IO (>= 4.3)
      System.IO.FileSystem (>= 4.3)
      System.IO.FileSystem.Primitives (>= 4.3)
      System.Resources.ResourceManager (>= 4.3)
      System.Runtime (>= 4.3)
      System.Runtime.Extensions (>= 4.3)
      System.Runtime.Handles (>= 4.3)
      System.Runtime.InteropServices (>= 4.3)
      System.Runtime.Numerics (>= 4.3)
      System.Security.Cryptography.Algorithms (>= 4.3)
      System.Security.Cryptography.Cng (>= 4.3)
      System.Security.Cryptography.Csp (>= 4.3)
      System.Security.Cryptography.Encoding (>= 4.3)
      System.Security.Cryptography.OpenSsl (>= 4.3)
      System.Security.Cryptography.Primitives (>= 4.3)
      System.Text.Encoding (>= 4.3)
      System.Threading (>= 4.3)
    System.Security.Cryptography.Xml (4.7)
      System.Security.Cryptography.Pkcs (>= 4.7)
      System.Security.Permissions (>= 4.7)
    System.Security.Permissions (4.7)
      System.Security.AccessControl (>= 4.7)
      System.Windows.Extensions (>= 4.7)
    System.Security.Principal (4.3)
      System.Runtime (>= 4.3)
    System.Security.Principal.Windows (4.7)
    System.Security.SecureString (4.3)
      Microsoft.NETCore.Platforms (>= 1.1)
      System.Resources.ResourceManager (>= 4.3)
      System.Runtime (>= 4.3)
      System.Runtime.Handles (>= 4.3)
      System.Runtime.InteropServices (>= 4.3)
      System.Security.Cryptography.Primitives (>= 4.3)
      System.Text.Encoding (>= 4.3)
      System.Threading (>= 4.3)
    System.ServiceModel.Duplex (4.7)
      System.Private.ServiceModel (>= 4.7)
      System.ServiceModel.Primitives (>= 4.7)
    System.ServiceModel.Http (4.7)
      System.Private.ServiceModel (>= 4.7)
      System.ServiceModel.Primitives (>= 4.7)
    System.ServiceModel.NetTcp (4.7)
      System.Private.ServiceModel (>= 4.7)
      System.ServiceModel.Primitives (>= 4.7)
    System.ServiceModel.Primitives (4.7)
      System.Private.ServiceModel (>= 4.7)
    System.ServiceModel.Security (4.7)
      System.Private.ServiceModel (>= 4.7)
      System.ServiceModel.Primitives (>= 4.7)
    System.Text.Encoding (4.3)
      Microsoft.NETCore.Platforms (>= 1.1)
      Microsoft.NETCore.Targets (>= 1.1)
      System.Runtime (>= 4.3)
    System.Text.Encoding.CodePages (4.7)
      Microsoft.NETCore.Platforms (>= 3.1)
    System.Text.Encoding.Extensions (4.3)
      Microsoft.NETCore.Platforms (>= 1.1)
      Microsoft.NETCore.Targets (>= 1.1)
      System.Runtime (>= 4.3)
      System.Text.Encoding (>= 4.3)
    System.Text.Encodings.Web (4.7)
    System.Text.Json (4.7.1)
    System.Text.RegularExpressions (4.3.1)
      System.Runtime (>= 4.3.1)
    System.Threading (4.3)
      System.Runtime (>= 4.3)
      System.Threading.Tasks (>= 4.3)
    System.Threading.Overlapped (4.3)
      Microsoft.NETCore.Platforms (>= 1.1)
      System.Resources.ResourceManager (>= 4.3)
      System.Runtime (>= 4.3)
      System.Runtime.Handles (>= 4.3)
    System.Threading.Tasks (4.3)
      Microsoft.NETCore.Platforms (>= 1.1)
      Microsoft.NETCore.Targets (>= 1.1)
      System.Runtime (>= 4.3)
    System.Threading.Tasks.Dataflow (4.11)
    System.Threading.Tasks.Extensions (4.5.4)
    System.Threading.Thread (4.3)
      System.Runtime (>= 4.3)
    System.Threading.ThreadPool (4.3)
      System.Runtime (>= 4.3)
      System.Runtime.Handles (>= 4.3)
    System.Threading.Timer (4.3)
      Microsoft.NETCore.Platforms (>= 1.1)
      Microsoft.NETCore.Targets (>= 1.1)
      System.Runtime (>= 4.3)
    System.ValueTuple (4.5)
    System.Windows.Extensions (4.7)
      System.Drawing.Common (>= 4.7)
    System.Xml.ReaderWriter (4.3.1)
      System.Collections (>= 4.3)
      System.Diagnostics.Debug (>= 4.3)
      System.Globalization (>= 4.3)
      System.IO (>= 4.3)
      System.IO.FileSystem (>= 4.3)
      System.IO.FileSystem.Primitives (>= 4.3)
      System.Resources.ResourceManager (>= 4.3)
      System.Runtime (>= 4.3)
      System.Runtime.Extensions (>= 4.3)
      System.Runtime.InteropServices (>= 4.3)
      System.Text.Encoding (>= 4.3)
      System.Text.Encoding.Extensions (>= 4.3)
      System.Text.RegularExpressions (>= 4.3)
      System.Threading.Tasks (>= 4.3)
      System.Threading.Tasks.Extensions (>= 4.3)
    System.Xml.XDocument (4.3)
      System.Collections (>= 4.3)
      System.Diagnostics.Debug (>= 4.3)
      System.Diagnostics.Tools (>= 4.3)
      System.Globalization (>= 4.3)
      System.IO (>= 4.3)
      System.Reflection (>= 4.3)
      System.Resources.ResourceManager (>= 4.3)
      System.Runtime (>= 4.3)
      System.Runtime.Extensions (>= 4.3)
      System.Text.Encoding (>= 4.3)
      System.Threading (>= 4.3)
      System.Xml.ReaderWriter (>= 4.3)
    System.Xml.XmlDocument (4.3)
      System.Collections (>= 4.3)
      System.Diagnostics.Debug (>= 4.3)
      System.Globalization (>= 4.3)
      System.IO (>= 4.3)
      System.Resources.ResourceManager (>= 4.3)
      System.Runtime (>= 4.3)
      System.Runtime.Extensions (>= 4.3)
      System.Text.Encoding (>= 4.3)
      System.Threading (>= 4.3)
      System.Xml.ReaderWriter (>= 4.3)
    System.Xml.XmlSerializer (4.3)
      System.Collections (>= 4.3)
      System.Globalization (>= 4.3)
      System.IO (>= 4.3)
      System.Linq (>= 4.3)
      System.Reflection (>= 4.3)
      System.Reflection.Emit (>= 4.3)
      System.Reflection.Emit.ILGeneration (>= 4.3)
      System.Reflection.Extensions (>= 4.3)
      System.Reflection.Primitives (>= 4.3)
      System.Reflection.TypeExtensions (>= 4.3)
      System.Resources.ResourceManager (>= 4.3)
      System.Runtime (>= 4.3)
      System.Runtime.Extensions (>= 4.3)
      System.Text.RegularExpressions (>= 4.3)
      System.Threading (>= 4.3)
      System.Xml.ReaderWriter (>= 4.3)
      System.Xml.XmlDocument (>= 4.3)
    System.Xml.XPath (4.3)
      System.Collections (>= 4.3)
      System.Diagnostics.Debug (>= 4.3)
      System.Globalization (>= 4.3)
      System.IO (>= 4.3)
      System.Resources.ResourceManager (>= 4.3)
      System.Runtime (>= 4.3)
      System.Runtime.Extensions (>= 4.3)
      System.Threading (>= 4.3)
      System.Xml.ReaderWriter (>= 4.3)
    System.Xml.XPath.XDocument (4.3)
      System.Diagnostics.Debug (>= 4.3)
      System.Linq (>= 4.3)
      System.Resources.ResourceManager (>= 4.3)
      System.Runtime (>= 4.3)
      System.Runtime.Extensions (>= 4.3)
      System.Threading (>= 4.3)
      System.Xml.ReaderWriter (>= 4.3)
      System.Xml.XDocument (>= 4.3)
      System.Xml.XPath (>= 4.3)
    System.Xml.XPath.XmlDocument (4.3)
      System.Collections (>= 4.3)
      System.Globalization (>= 4.3)
      System.IO (>= 4.3)
      System.Resources.ResourceManager (>= 4.3)
      System.Runtime (>= 4.3)
      System.Runtime.Extensions (>= 4.3)
      System.Threading (>= 4.3)
      System.Xml.ReaderWriter (>= 4.3)
      System.Xml.XmlDocument (>= 4.3)
      System.Xml.XPath (>= 4.3)
    xunit (2.4.1)
      xunit.analyzers (>= 0.10)
      xunit.assert (2.4.1)
      xunit.core (2.4.1)
    xunit.abstractions (2.0.3)
    xunit.analyzers (0.10)
    xunit.assert (2.4.1)
      NETStandard.Library (>= 1.6.1)
    xunit.assert.source (2.4.1)
    xunit.categories (2.0.4)
      xunit (>= 2.3.1)
    xunit.core (2.4.1)
      xunit.extensibility.core (2.4.1)
      xunit.extensibility.execution (2.4.1)
    xunit.extensibility.core (2.4.1)
      NETStandard.Library (>= 1.6.1)
      xunit.abstractions (>= 2.0.3)
    xunit.extensibility.execution (2.4.1)
      NETStandard.Library (>= 1.6.1)
      xunit.extensibility.core (2.4.1)
    xunit.runner.visualstudio (2.4.1)
      Microsoft.NET.Test.Sdk (>= 15.0)
